GIT
  remote: https://github.com/eric/metriks-librato_metrics
  revision: 3acb88b36c014a8b93bdd91a867c1b3db781ad4e
  specs:
    metriks-librato_metrics (1.0.6)
      metriks (>= 0.9.9.6)

GIT
  remote: https://github.com/rkh/yard-sinatra
  revision: 5705d6e2bd8e4546a17a5d25eb97df5ed0f63500
  specs:
    yard-sinatra (1.0.0)
      yard (~> 0.7)

GIT
  remote: https://github.com/rtomayko/rack-cache
  revision: 07ff2f8d61379e0f54464928baf5f1cc3d94039c
  specs:
    rack-cache (1.13.0)
      rack (>= 0.4)

GIT
  remote: https://github.com/travis-ci/gh
  revision: 3319c500df8b8bdde82ee7c330cc7f971fee2c20
  specs:
    gh (0.15.1)
      addressable (~> 2.8.0)
      backports
      faraday (~> 1.0)
      multi_json (~> 1.0)
      net-http-persistent (~> 2.9)
      net-http-pipeline

GIT
  remote: https://github.com/travis-ci/marginalia
  revision: 07f19a9ee5869a4557437a9f24608c7b1c4275bf
  specs:
    marginalia (1.6.0)
      pg (~> 1.3)

GIT
  remote: https://github.com/travis-ci/rollout
  revision: ec4db3ae6bbf8cf56ce4adce0814247c46195a0e
  specs:
    rollout (3.0.0)
      redis (~> 5.0)

GIT
  remote: https://github.com/travis-ci/simple_states
  revision: 1112afaf7bbbe51a6fdf8abae769ef827ab3bfd8
  branch: prd-ruby-upgrade-dev
  specs:
    simple_states (1.0.2)
      activesupport (~> 7.0)

GIT
  remote: https://github.com/travis-ci/travis-amqp
  revision: 69e72f432436eca5d39991255d5cc3b45c1035e6
  specs:
    travis-amqp (0.0.3)

GIT
  remote: https://github.com/travis-ci/travis-config
  revision: 601e9a6dcb799dc14944c40153c60aaf935629ee
  specs:
    travis-config (2.0.0)
      hashr (~> 2.0)

GIT
  remote: https://github.com/travis-ci/travis-github_apps
  revision: 929dadf0b4f60ca4240d52a11fc032917ff3f83a
  branch: ga-ext_access
  specs:
    travis-github_apps (0.2.1)
      activesupport (>= 3.2)
      faraday
      faraday_middleware
      jwt
      redis

GIT
  remote: https://github.com/travis-ci/travis-lock
  revision: e5d38061f92a133488aeca9078c8ba2b11659377
  branch: 6.1
  specs:
    travis-lock (0.1.1)

GIT
  remote: https://github.com/travis-ci/travis-rollout
  revision: 4e89a17a4b5ca1f6269fb8bc1d067faabc49ac92
  specs:
    travis-rollout (0.1.0)

GIT
  remote: https://github.com/travis-ci/travis-settings
  revision: 7e48e09c1df1c95abaf13a0dcec78bdfab9f86ee
  branch: master
  specs:
    travis-settings (0.1.0)
      activemodel
      virtus

GIT
  remote: https://github.com/travis-ci/travis-support
  revision: 4dda53ffa96b804db22c261551256caa18c4a2cc
  ref: 4dda53ffa96b804db22c261551256caa18c4a2cc
  specs:
    travis-support (0.0.1)

GEM
  remote: https://rubygems.org/
  specs:
    active_model_serializers (0.9.9)
      activemodel (>= 3.2)
      concurrent-ruby (~> 1.0)
    activemodel (7.0.8.1)
      activesupport (= 7.0.8.1)
    activerecord (7.0.8.1)
      activemodel (= 7.0.8.1)
      activesupport (= 7.0.8.1)
    activesupport (7.0.8.1)
      concurrent-ruby (~> 1.0, >= 1.0.2)
      i18n (>= 1.6, < 2)
      minitest (>= 5.1)
      tzinfo (~> 2.0)
    addressable (2.8.6)
      public_suffix (>= 2.0.2, < 6.0)
    aggregate (0.2.4)
    allocation_tracer (0.6.3)
    amq-protocol (2.3.2)
    ansi (1.5.0)
    ast (2.4.2)
    atomic (1.1.101)
    avl_tree (1.1.3)
    aws-eventstream (1.3.0)
    aws-partitions (1.899.0)
    aws-sdk-core (3.191.4)
      aws-eventstream (~> 1, >= 1.3.0)
      aws-partitions (~> 1, >= 1.651.0)
      aws-sigv4 (~> 1.8)
      jmespath (~> 1, >= 1.6.1)
    aws-sdk-kms (1.78.0)
      aws-sdk-core (~> 3, >= 3.191.0)
      aws-sigv4 (~> 1.1)
    aws-sdk-s3 (1.146.0)
      aws-sdk-core (~> 3, >= 3.191.0)
      aws-sdk-kms (~> 1)
      aws-sigv4 (~> 1.8)
    aws-sigv4 (1.8.0)
      aws-eventstream (~> 1, >= 1.0.2)
    axiom-types (0.1.1)
      descendants_tracker (~> 0.0.4)
      ice_nine (~> 0.11.0)
      thread_safe (~> 0.3, >= 0.3.1)
    backports (3.25.0)
    base64 (0.2.0)
    bigdecimal (3.1.7)
    builder (3.2.4)
    bunny (2.22.0)
      amq-protocol (~> 2.3, >= 2.3.1)
      sorted_set (~> 1, >= 1.0.2)
    byebug (11.1.3)
    closeio (3.12.0)
      faraday
      faraday_middleware
      json
    coder (0.4.0)
    coderay (1.1.3)
    coercible (1.0.0)
      descendants_tracker (~> 0.0.1)
    composite_primary_keys (14.0.9)
      activerecord (~> 7.0.2)
    concurrent-ruby (1.2.3)
    connection_pool (2.4.1)
    crack (1.0.0)
      bigdecimal
      rexml
    dalli (3.2.8)
    database_cleaner (2.0.2)
      database_cleaner-active_record (>= 2, < 3)
    database_cleaner-active_record (2.1.0)
      activerecord (>= 5.a)
      database_cleaner-core (~> 2.0.0)
    database_cleaner-core (2.0.1)
    declarative (0.0.20)
    descendants_tracker (0.0.4)
      thread_safe (~> 0.3, >= 0.3.1)
    diff-lcs (1.5.1)
    digest-crc (0.6.5)
      rake (>= 12.0.0, < 14.0.0)
    docile (1.4.0)
    domain_name (0.6.20240107)
    dry-configurable (1.1.0)
      dry-core (~> 1.0, < 2)
      zeitwerk (~> 2.6)
    dry-core (1.0.1)
      concurrent-ruby (~> 1.0)
      zeitwerk (~> 2.6)
    dry-inflector (1.0.0)
    dry-initializer (3.1.1)
    dry-logic (1.5.0)
      concurrent-ruby (~> 1.0)
      dry-core (~> 1.0, < 2)
      zeitwerk (~> 2.6)
    dry-schema (1.13.3)
      concurrent-ruby (~> 1.0)
      dry-configurable (~> 1.0, >= 1.0.1)
      dry-core (~> 1.0, < 2)
      dry-initializer (~> 3.0)
      dry-logic (>= 1.4, < 2)
      dry-types (>= 1.7, < 2)
      zeitwerk (~> 2.6)
    dry-struct (1.6.0)
      dry-core (~> 1.0, < 2)
      dry-types (>= 1.7, < 2)
      ice_nine (~> 0.11)
      zeitwerk (~> 2.6)
    dry-types (1.7.2)
      bigdecimal (~> 3.0)
      concurrent-ruby (~> 1.0)
      dry-core (~> 1.0)
      dry-inflector (~> 1.0)
      dry-logic (~> 1.4)
      zeitwerk (~> 2.6)
    equalizer (0.0.11)
    excon (0.110.0)
    factory_bot (6.4.6)
      activesupport (>= 5.0.0)
    faraday (1.10.3)
      faraday-em_http (~> 1.0)
      faraday-em_synchrony (~> 1.0)
      faraday-excon (~> 1.1)
      faraday-httpclient (~> 1.0)
      faraday-multipart (~> 1.0)
      faraday-net_http (~> 1.0)
      faraday-net_http_persistent (~> 1.0)
      faraday-patron (~> 1.0)
      faraday-rack (~> 1.0)
      faraday-retry (~> 1.0)
      ruby2_keywords (>= 0.0.4)
    faraday-em_http (1.0.0)
    faraday-em_synchrony (1.0.0)
    faraday-excon (1.1.0)
    faraday-httpclient (1.0.1)
    faraday-multipart (1.0.4)
      multipart-post (~> 2)
    faraday-net_http (1.0.1)
    faraday-net_http_persistent (1.2.0)
    faraday-patron (1.0.0)
    faraday-rack (1.0.0)
    faraday-retry (1.0.3)
    faraday_middleware (1.2.0)
      faraday (~> 1.0)
    ffi (1.16.3)
    ffi-compiler (1.3.2)
      ffi (>= 1.15.5)
      rake
    fog-aws (0.12.0)
      fog-core (~> 1.38)
      fog-json (~> 1.0)
      fog-xml (~> 0.1)
      ipaddress (~> 0.8)
    fog-core (1.45.0)
      builder
      excon (~> 0.58)
      formatador (~> 0.2)
    fog-google (1.23.0)
      addressable (>= 2.7.0)
      fog-core (< 2.3)
      fog-json (~> 1.2)
      fog-xml (~> 0.1.0)
      google-apis-compute_v1 (~> 0.53)
      google-apis-dns_v1 (~> 0.28)
      google-apis-iamcredentials_v1 (~> 0.15)
      google-apis-monitoring_v3 (~> 0.37)
      google-apis-pubsub_v1 (~> 0.30)
      google-apis-sqladmin_v1beta4 (~> 0.38)
      google-apis-storage_v1 (>= 0.19, < 1)
      google-cloud-env (~> 1.2)
    fog-json (1.2.0)
      fog-core
      multi_json (~> 1.10)
    fog-xml (0.1.4)
      fog-core
      nokogiri (>= 1.5.11, < 2.0.0)
    foreman (0.87.2)
    formatador (0.3.0)
    gapic-common (0.20.0)
      faraday (>= 1.9, < 3.a)
      faraday-retry (>= 1.0, < 3.a)
      google-protobuf (~> 3.14)
      googleapis-common-protos (>= 1.3.12, < 2.a)
      googleapis-common-protos-types (>= 1.3.1, < 2.a)
      googleauth (~> 1.0)
      grpc (~> 1.36)
    google-apis-compute_v1 (0.86.0)
      google-apis-core (>= 0.11.0, < 2.a)
    google-apis-core (0.11.3)
      addressable (~> 2.5, >= 2.5.1)
      googleauth (>= 0.16.2, < 2.a)
      httpclient (>= 2.8.1, < 3.a)
      mini_mime (~> 1.0)
      representable (~> 3.0)
      retriable (>= 2.0, < 4.a)
      rexml
    google-apis-dns_v1 (0.36.0)
      google-apis-core (>= 0.11.0, < 2.a)
    google-apis-iamcredentials_v1 (0.17.0)
      google-apis-core (>= 0.11.0, < 2.a)
    google-apis-monitoring_v3 (0.54.0)
      google-apis-core (>= 0.11.0, < 2.a)
    google-apis-pubsub_v1 (0.45.0)
      google-apis-core (>= 0.11.0, < 2.a)
    google-apis-sqladmin_v1beta4 (0.61.0)
      google-apis-core (>= 0.11.0, < 2.a)
    google-apis-storage_v1 (0.31.0)
      google-apis-core (>= 0.11.0, < 2.a)
    google-cloud-core (1.7.0)
      google-cloud-env (>= 1.0, < 3.a)
      google-cloud-errors (~> 1.0)
    google-cloud-env (1.6.0)
      faraday (>= 0.17.3, < 3.0)
    google-cloud-errors (1.4.0)
    google-cloud-monitoring-v3 (0.14.0)
      gapic-common (>= 0.20.0, < 2.a)
      google-cloud-errors (~> 1.0)
    google-cloud-storage (1.47.0)
      addressable (~> 2.8)
      digest-crc (~> 0.4)
      google-apis-iamcredentials_v1 (~> 0.1)
      google-apis-storage_v1 (~> 0.31.0)
      google-cloud-core (~> 1.6)
      googleauth (>= 0.16.2, < 2.a)
      mini_mime (~> 1.0)
    google-cloud-trace-v2 (0.7.0)
      gapic-common (>= 0.20.0, < 2.a)
      google-cloud-errors (~> 1.0)
    google-protobuf (3.19.6)
    googleapis-common-protos (1.5.0)
      google-protobuf (~> 3.18)
      googleapis-common-protos-types (~> 1.7)
      grpc (~> 1.41)
    googleapis-common-protos-types (1.14.0)
      google-protobuf (~> 3.18)
    googleauth (1.8.1)
      faraday (>= 0.17.3, < 3.a)
      jwt (>= 1.4, < 3.0)
      multi_json (~> 1.11)
      os (>= 0.9, < 2.0)
      signet (>= 0.16, < 2.a)
    grpc (1.48.0)
      google-protobuf (~> 3.19)
      googleapis-common-protos-types (~> 1.0)
    hashdiff (1.1.0)
    hashr (2.0.1)
    hitimes (1.3.1)
    http (4.4.1)
      addressable (~> 2.3)
      http-cookie (~> 1.0)
      http-form_data (~> 2.2)
      http-parser (~> 1.2.0)
    http-cookie (1.0.5)
      domain_name (~> 0.5)
    http-form_data (2.3.0)
    http-parser (1.2.3)
      ffi-compiler (>= 1.0, < 2.0)
    httpclient (2.8.3)
    i18n (1.14.4)
      concurrent-ruby (~> 1.0)
    ice_nine (0.11.2)
    ipaddress (0.8.3)
    jmespath (1.6.2)
    json (2.7.1)
    jwt (2.8.1)
      base64
    kgio (2.11.4)
    knapsack (4.0.0)
      rake
    language_server-protocol (3.17.0.3)
    libhoney (2.3.0)
      addressable (~> 2.0)
      excon
      http (>= 2.0, < 6.0)
    librato-metrics (2.1.2)
      aggregate (~> 0.2.2)
      faraday
    listen (3.9.0)
      rb-fsevent (~> 0.10, >= 0.10.3)
      rb-inotify (~> 0.9, >= 0.9.10)
    memory_profiler (1.0.1)
    method_source (1.0.0)
    metriks (0.9.9.6)
      atomic (~> 1.0)
      avl_tree (~> 1.1.2)
      hitimes (~> 1.1)
    mime-types (3.5.2)
      mime-types-data (~> 3.2015)
    mime-types-data (3.2024.0305)
    mini_mime (1.1.5)
    minitest (5.22.3)
    mocha (2.1.0)
      ruby2_keywords (>= 0.0.5)
    msgpack (1.7.2)
    multi_json (1.15.0)
    multipart-post (2.4.0)
    mustermann (2.0.2)
      ruby2_keywords (~> 0.0.1)
    nakayoshi_fork (0.0.4)
    net-http-persistent (2.9.4)
    net-http-pipeline (1.0.1)
    nokogiri (1.16.3-arm64-darwin)
      racc (~> 1.4)
    nokogiri (1.16.3-x86_64-linux)
      racc (~> 1.4)
    opencensus (0.5.0)
    opencensus-stackdriver (0.4.1)
      concurrent-ruby (~> 1.0)
      google-cloud-env (~> 1.3)
      google-cloud-monitoring-v3 (~> 0.1)
      google-cloud-trace-v2 (~> 0.1)
      opencensus (~> 0.5)
    optimist (3.1.0)
    os (1.1.4)
    parallel (1.24.0)
    parser (3.3.0.5)
      ast (~> 2.4.1)
      racc
    pg (1.5.6)
    pry (0.14.2)
      coderay (~> 1.1)
      method_source (~> 1.0)
    pry-byebug (3.10.1)
      byebug (~> 11.0)
      pry (>= 0.13, < 0.15)
    public_suffix (5.0.4)
    pusher (2.0.3)
      httpclient (~> 2.8)
      multi_json (~> 1.15)
      pusher-signature (~> 0.1.8)
    pusher-signature (0.1.8)
    racc (1.7.3)
    rack (2.2.8.1)
    rack-attack (6.7.0)
      rack (>= 1.0, < 4)
    rack-contrib (2.3.0)
      rack (~> 2.0)
    rack-protection (2.2.4)
      rack
    rack-ssl (1.4.1)
      rack
    rack-test (2.1.0)
      rack (>= 1.3)
    rainbow (3.1.1)
    raindrops (0.20.1)
    rake (13.0.6)
    rb-fsevent (0.11.2)
    rb-inotify (0.10.1)
      ffi (~> 1.0)
    rbtrace (0.5.1)
      ffi (>= 1.0.6)
      msgpack (>= 0.4.3)
      optimist (>= 3.0.0)
    rbtree (0.4.6)
    redcarpet (3.6.0)
    redis (5.1.0)
      redis-client (>= 0.17.0)
    redis-client (0.21.0)
      connection_pool
    redis-namespace (1.11.0)
      redis (>= 4)
    redlock (2.0.6)
      redis-client (>= 0.14.1, < 1.0.0)
    regexp_parser (2.9.0)
    representable (3.2.0)
      declarative (< 0.1.0)
      trailblazer-option (>= 0.1.1, < 0.2.0)
      uber (< 0.2.0)
    rerun (0.14.0)
      listen (~> 3.0)
    retriable (3.1.2)
    rexml (3.2.6)
    rspec (3.13.0)
      rspec-core (~> 3.13.0)
      rspec-expectations (~> 3.13.0)
      rspec-mocks (~> 3.13.0)
    rspec-core (3.13.0)
      rspec-support (~> 3.13.0)
    rspec-expectations (3.13.0)
      diff-lcs (>= 1.2.0, < 2.0)
      rspec-support (~> 3.13.0)
    rspec-its (1.3.0)
      rspec-core (>= 3.0.0)
      rspec-expectations (>= 3.0.0)
    rspec-mocks (3.13.0)
      diff-lcs (>= 1.2.0, < 2.0)
      rspec-support (~> 3.13.0)
    rspec-support (3.13.1)
    rubocop (1.62.1)
      json (~> 2.3)
      language_server-protocol (>= 3.17.0)
      parallel (~> 1.10)
      parser (>= 3.3.0.2)
      rainbow (>= 2.2.2, < 4.0)
      regexp_parser (>= 1.8, < 3.0)
      rexml (>= 3.2.5, < 4.0)
      rubocop-ast (>= 1.31.1, < 2.0)
      ruby-progressbar (~> 1.7)
      unicode-display_width (>= 2.4.0, < 3.0)
    rubocop-ast (1.31.2)
      parser (>= 3.3.0.4)
    rubocop-capybara (2.20.0)
      rubocop (~> 1.41)
    rubocop-factory_bot (2.25.1)
      rubocop (~> 1.41)
    rubocop-performance (1.20.2)
      rubocop (>= 1.48.1, < 2.0)
      rubocop-ast (>= 1.30.0, < 2.0)
    rubocop-rspec (2.27.1)
      rubocop (~> 1.40)
      rubocop-capybara (~> 2.17)
      rubocop-factory_bot (~> 2.22)
    ruby-progressbar (1.13.0)
    ruby2_keywords (0.0.5)
    sentry-ruby (5.17.1)
      bigdecimal
      concurrent-ruby (~> 1.0, >= 1.0.2)
    set (1.1.0)
    sidekiq (6.4.2)
      connection_pool (>= 2.2.2)
      rack (~> 2.0)
      redis (>= 4.2.0)
    signet (0.19.0)
      addressable (~> 2.8)
      faraday (>= 0.17.5, < 3.a)
      jwt (>= 1.5, < 3.0)
      multi_json (~> 1.10)
    simplecov (0.22.0)
      docile (~> 1.1)
      simplecov-html (~> 0.11)
      simplecov_json_formatter (~> 0.1)
    simplecov-console (0.9.1)
      ansi
      simplecov
      terminal-table
    simplecov-html (0.12.3)
    simplecov_json_formatter (0.1.4)
    sinatra (2.2.4)
      mustermann (~> 2.0)
      rack (~> 2.2)
      rack-protection (= 2.2.4)
      tilt (~> 2.0)
    sinatra-contrib (2.2.4)
      multi_json
      mustermann (~> 2.0)
      rack-protection (= 2.2.4)
      sinatra (= 2.2.4)
      tilt (~> 2.0)
    sorted_set (1.0.3)
      rbtree
      set (~> 1.0)
    stackprof (0.2.26)
    terminal-table (3.0.2)
      unicode-display_width (>= 1.1.1, < 3)
    thread_safe (0.3.6)
    tilt (2.3.0)
    timecop (0.9.8)
    tool (0.2.3)
    trailblazer-option (0.1.2)
    tzinfo (2.0.6)
      concurrent-ruby (~> 1.0)
    uber (0.1.0)
    unicode-display_width (2.5.0)
    unicorn (6.1.0)
      kgio (~> 2.6)
      raindrops (~> 0.7)
    useragent (0.16.10)
    virtus (1.0.5)
      axiom-types (~> 0.1)
      coercible (~> 1.0)
      descendants_tracker (~> 0.0, >= 0.0.3)
      equalizer (~> 0.0, >= 0.0.9)
    webmock (3.23.0)
      addressable (>= 2.8.0)
      crack (>= 0.3.2)
      hashdiff (>= 0.4.0, < 2.0.0)
    yard (0.9.36)
    zeitwerk (2.6.13)

PLATFORMS
  arm64-darwin-23
  x86_64-linux

DEPENDENCIES
  active_model_serializers (~> 0.9.9)
  activerecord (~> 7.0.8)
  addressable (~> 2.8.0)
  allocation_tracer
  aws-sdk-s3
  bunny (~> 2.22)
  closeio
  coder (~> 0.4.0)
  composite_primary_keys (~> 14.0)
  dalli
  database_cleaner
  dry-schema
  dry-struct
  dry-types
  factory_bot
  faraday
  faraday-net_http_persistent
  fog-aws (~> 0.12.0)
  fog-google
  foreman
  gh!
  google-cloud-storage
  google-protobuf (~> 3.19.6)
  hashdiff
  hashr
  http (~> 4)
  ipaddress (~> 0.8.3)
  knapsack
  libhoney
  librato-metrics
  marginalia!
  memory_profiler
  metriks (= 0.9.9.6)
  metriks-librato_metrics!
  mime-types
  mocha
  multi_json
  nakayoshi_fork
  opencensus
  opencensus-stackdriver
  os (~> 1.1.4)
  pg (~> 1.5)
  pry
  pry-byebug
  pusher (~> 2.0.3)
  rack (~> 2.2.3)
  rack-attack (~> 6)
  rack-cache!
  rack-contrib (= 2.3.0)
  rack-ssl (~> 1.4)
  rack-test
  rake (~> 13.0.6)
  rb-fsevent (~> 0.11)
  rbtrace
  redcarpet (>= 3.6)
  redis (~> 5.0)
  redis-namespace
  redlock
  rerun
  rollout!
  rspec
  rspec-its
  rubocop
  rubocop-performance
  rubocop-rspec
  sentry-ruby
  sidekiq (~> 6.4.0)
  simple_states!
  simplecov
  simplecov-console
  sinatra (~> 2)
  sinatra-contrib
  stackprof
  timecop
  tool
  travis-amqp!
  travis-config!
  travis-github_apps!
  travis-lock!
  travis-rollout!
  travis-settings!
  travis-support!
  unicorn
  useragent
  virtus (~> 1.0.0)
  webmock
  yard-sinatra!

RUBY VERSION
   ruby 3.2.2p53

BUNDLED WITH
   2.4.19
