GIT
  remote: git://github.com/eric/metriks-librato_metrics.git
  revision: 2c124f024fd2e34378260cd24b0e8687ff9bd196
  specs:
    metriks-librato_metrics (1.0.5)
      metriks (>= 0.9.9.6)

GIT
  remote: git://github.com/renee-travisci/rack-attack.git
  revision: d8a7da1ad03b070bf81fde21eb9fb899c8dc2fc2
  branch: language_change_suggestion
  specs:
    rack-attack (4.4.1)
      rack

GIT
  remote: git://github.com/rkh/mustermann.git
  revision: 9611951c5c789ad8227a740ae142c157a8bf7401
  specs:
    mustermann (0.4.0)
      tool (~> 0.2)

GIT
  remote: git://github.com/rkh/yard-sinatra.git
  revision: 00774d355123617ff0faa7e0ebd54c4cdcfcdf93
  specs:
    yard-sinatra (1.0.0)
      yard (~> 0.7)

GIT
  remote: git://github.com/rtomayko/rack-cache.git
  revision: 2d6618172c39c53dceab2e2946d87496154f3e52
  specs:
    rack-cache (1.6.1)
      rack (>= 0.4)

GIT
  remote: git://github.com/travis-ci/s3.git
  revision: 386361c1b0ede19cde0ddaf86e41a16308575f5d
  specs:
    s3 (0.3.21)
      proxies (~> 0.2.0)

GIT
  remote: git://github.com/travis-ci/travis-amqp.git
  revision: 3966b3651adfd1c544f53d49d5986ac16cd9c4bc
  specs:
    travis-amqp (0.0.1)

GIT
  remote: git://github.com/travis-ci/travis-migrations.git
  revision: dc432e45354287c617c3ae07a72e9e3c4be012cd
  specs:
    travis-migrations (0.0.2)

GIT
  remote: git://github.com/travis-ci/travis-settings.git
  revision: d510e63b6c6f059cccae141c265e7a0c7236d1fd
  specs:
    travis-settings (0.0.1)
      activemodel
      virtus

GIT
  remote: git://github.com/travis-ci/travis-sidekiqs.git
  revision: c5d4a4abc6c3737f9c43d3333efb94daa18b9fbb
  specs:
    travis-sidekiqs (0.0.1)
      redis-namespace
      sidekiq

GIT
  remote: git://github.com/travis-ci/travis-support.git
  revision: 2cd02d2a06fdd1e2fc2f129148c168b56f7c190f
  specs:
    travis-support (0.0.1)

GIT
  remote: git://github.com/travis-ci/travis-yaml.git
  revision: 032caed23af8ed1ed55e9204bb91316f3ada2f74
  specs:
    travis-yaml (0.2.0)

PATH
  remote: .
  specs:
    travis-api (0.0.1)
      activerecord (~> 3.2.19)
      coder (~> 0.4.0)
      composite_primary_keys (~> 5.0)
      google-api-client (~> 0.9.4)
      hashr
      memcachier
      multi_json
      mustermann (~> 0.4)
      pg
      pusher (~> 0.14.0)
      rack-contrib (~> 1.1)
      rack-ssl (~> 1.3, >= 1.3.3)
      railties (~> 3.2.19)
      redcarpet (~> 2.1)
      redis (~> 3.0)
      rollout (~> 1.1.0)
      simple_states (~> 1.0.0)
      sinatra (~> 1.3)
      sinatra-contrib (~> 1.3)
      travis-support
      useragent
      virtus (~> 1.0.0)

PATH
  remote: vendor/travis-core
  specs:
    travis-core (0.0.1)
      activerecord (~> 3.2.19)
      coder (~> 0.4.0)
      data_migrations (~> 0.0.1)
      gh
      google-api-client (~> 0.9.4)
      hashr
      metriks (~> 0.9.7)
      multi_json
      pusher (~> 0.14.0)
      railties (~> 3.2.19)
      rake
      redis (~> 3.0)
      rollout (~> 1.1.0)
      s3 (~> 0.3)
      simple_states (~> 1.0.0)
      thor
      travis-config (~> 0.1.0)
      virtus (~> 1.0.0)

GEM
  remote: https://rubygems.org/
  specs:
    actionpack (3.2.22.2)
      activemodel (= 3.2.22.2)
      activesupport (= 3.2.22.2)
      builder (~> 3.0.0)
      erubis (~> 2.7.0)
      journey (~> 1.0.4)
      rack (~> 1.4.5)
      rack-cache (~> 1.2)
      rack-test (~> 0.6.1)
      sprockets (~> 2.2.1)
    active_model_serializers (0.9.5)
      activemodel (>= 3.2)
    activemodel (3.2.22.2)
      activesupport (= 3.2.22.2)
      builder (~> 3.0.0)
    activerecord (3.2.22.2)
      activemodel (= 3.2.22.2)
      activesupport (= 3.2.22.2)
      arel (~> 3.0.2)
      tzinfo (~> 0.3.29)
    activesupport (3.2.22.2)
      i18n (~> 0.6, >= 0.6.4)
      multi_json (~> 1.0)
    addressable (2.4.0)
    arel (3.0.3)
    atomic (1.1.99)
    avl_tree (1.1.3)
    axiom-types (0.1.1)
      descendants_tracker (~> 0.0.4)
      ice_nine (~> 0.11.0)
      thread_safe (~> 0.3, >= 0.3.1)
    backports (3.6.8)
    builder (3.0.4)
    bunny (0.8.0)
    coder (0.4.0)
    coderay (1.1.1)
    coercible (1.0.0)
      descendants_tracker (~> 0.0.1)
    composite_primary_keys (5.0.14)
      activerecord (~> 3.2.0, >= 3.2.9)
    concurrent-ruby (1.0.2)
    connection_pool (2.2.0)
    customerio (1.0.0)
      multi_json (~> 1.0)
    dalli (2.7.6)
    data_migrations (0.0.1)
      activerecord
      rake
    database_cleaner (0.8.0)
    descendants_tracker (0.0.4)
      thread_safe (~> 0.3, >= 0.3.1)
    diff-lcs (1.2.5)
    docile (1.1.5)
    equalizer (0.0.11)
    erubis (2.7.0)
    factory_girl (2.4.2)
      activesupport
    faraday (0.9.2)
      multipart-post (>= 1.2, < 3)
    ffi (1.9.10)
    foreman (0.82.0)
      thor (~> 0.19.1)
    gh (0.14.0)
      addressable
      backports
      faraday (~> 0.8)
      multi_json (~> 1.0)
      net-http-persistent (>= 2.7)
      net-http-pipeline
    git-version-bump (0.15.1)
    google-api-client (0.9.8)
      addressable (~> 2.3)
      googleauth (~> 0.5)
      httpclient (~> 2.7)
      hurley (~> 0.1)
      memoist (~> 0.11)
      mime-types (>= 1.6)
      representable (~> 2.3.0)
      retriable (~> 2.0)
      thor (~> 0.19)
    googleauth (0.5.1)
      faraday (~> 0.9)
      jwt (~> 1.4)
      logging (~> 2.0)
      memoist (~> 0.12)
      multi_json (~> 1.11)
      os (~> 0.9)
      signet (~> 0.7)
    hashr (0.0.22)
    hike (1.2.3)
    hitimes (1.2.4)
    httpclient (2.8.0)
    hurley (0.2)
    i18n (0.7.0)
    ice_nine (0.11.2)
    jemalloc (1.0.1)
    journey (1.0.4)
    json (1.8.3)
    jwt (1.5.4)
    kgio (2.10.0)
    listen (3.1.5)
      rb-fsevent (~> 0.9, >= 0.9.4)
      rb-inotify (~> 0.9, >= 0.9.7)
      ruby_dep (~> 1.2)
    little-plugger (1.1.4)
    logging (2.1.0)
      little-plugger (~> 1.1)
      multi_json (~> 1.10)
    memcachier (0.0.2)
    memoist (0.14.0)
    metaclass (0.0.4)
    method_source (0.8.2)
    metriks (0.9.9.6)
      atomic (~> 1.0)
      avl_tree (~> 1.1.2)
      hitimes (~> 1.1)
    micro_migrations (0.0.2)
      activerecord
      railties
    mime-types (1.25.1)
    mocha (0.14.0)
      metaclass (~> 0.0.1)
    multi_json (1.12.1)
    multipart-post (2.0.0)
    net-http-persistent (2.9.4)
    net-http-pipeline (1.0.1)
    os (0.9.6)
    pg (0.18.4)
    proxies (0.2.1)
    pry (0.10.3)
      coderay (~> 1.1.0)
      method_source (~> 0.8.1)
      slop (~> 3.4)
    pusher (0.14.6)
      httpclient (~> 2.5)
      multi_json (~> 1.0)
      pusher-signature (~> 0.1.8)
    pusher-signature (0.1.8)
    rack (1.4.7)
    rack-contrib (1.4.0)
      git-version-bump (~> 0.15)
      rack (~> 1.4)
    rack-protection (1.5.3)
      rack
    rack-ssl (1.3.4)
      rack
    rack-test (0.6.3)
      rack (>= 1.0)
    railties (3.2.22.2)
      actionpack (= 3.2.22.2)
      activesupport (= 3.2.22.2)
      rack-ssl (~> 1.3.2)
      rake (>= 0.8.7)
      rdoc (~> 3.4)
      thor (>= 0.14.6, < 2.0)
    raindrops (0.16.0)
    rake (0.9.6)
    rb-fsevent (0.9.7)
    rb-inotify (0.9.7)
      ffi (>= 0.5.0)
    rdoc (3.12.2)
      json (~> 1.4)
    redcarpet (2.3.0)
    redis (3.3.0)
    redis-namespace (1.5.2)
      redis (~> 3.0, >= 3.0.4)
    representable (2.3.0)
      uber (~> 0.0.7)
    rerun (0.11.0)
      listen (~> 3.0)
    retriable (2.1.0)
    rollout (1.1.0)
    rspec (2.99.0)
      rspec-core (~> 2.99.0)
      rspec-expectations (~> 2.99.0)
      rspec-mocks (~> 2.99.0)
    rspec-core (2.99.2)
    rspec-expectations (2.99.2)
      diff-lcs (>= 1.1.3, < 2.0)
    rspec-its (1.0.1)
      rspec-core (>= 2.99.0.beta1)
      rspec-expectations (>= 2.99.0.beta1)
    rspec-mocks (2.99.4)
    ruby_dep (1.3.1)
    sentry-raven (1.0.0)
      faraday (>= 0.7.6)
    sidekiq (4.1.2)
      concurrent-ruby (~> 1.0)
      connection_pool (~> 2.2, >= 2.2.0)
      redis (~> 3.2, >= 3.2.1)
    signet (0.7.2)
      addressable (~> 2.3)
      faraday (~> 0.9)
      jwt (~> 1.5)
      multi_json (~> 1.10)
    simple_states (1.0.1)
      activesupport
      hashr (~> 0.0.10)
    simplecov (0.11.2)
      docile (~> 1.1.0)
      json (~> 1.8)
      simplecov-html (~> 0.10.0)
    simplecov-html (0.10.0)
    sinatra (1.4.6)
      rack (~> 1.4)
      rack-protection (~> 1.4)
      tilt (>= 1.3, < 3)
    sinatra-contrib (1.4.7)
      backports (>= 2.0)
      multi_json
      rack-protection
      rack-test
      sinatra (~> 1.4.0)
      tilt (>= 1.3, < 3)
    skylight (0.6.2.beta.2)
      activesupport (>= 3.0.0)
    slop (3.6.0)
    sprockets (2.2.3)
      hike (~> 1.2)
      multi_json (~> 1.0)
      rack (~> 1.0)
      tilt (~> 1.1, != 1.3.0)
    stackprof (0.2.9)
    thor (0.19.1)
    thread_safe (0.3.5)
    tilt (1.4.1)
    timecop (0.8.1)
    tool (0.2.3)
    travis-config (0.1.4)
      hashr (~> 0.0)
    tzinfo (0.3.49)
    uber (0.0.15)
    unicorn (5.1.0)
      kgio (~> 2.6)
      raindrops (~> 0.7)
    useragent (0.16.7)
    virtus (1.0.5)
      axiom-types (~> 0.1)
      coercible (~> 1.0)
      descendants_tracker (~> 0.0, >= 0.0.3)
      equalizer (~> 0.0, >= 0.0.9)
    yard (0.8.7.6)

PLATFORMS
  ruby

DEPENDENCIES
  active_model_serializers
  bunny (~> 0.8.0)
  customerio
  dalli
  database_cleaner (~> 0.8.0)
  factory_girl (~> 2.4.0)
  foreman
  gh
  jemalloc
  metriks (= 0.9.9.6)
  metriks-librato_metrics!
  micro_migrations
  mocha (~> 0.12)
  mustermann!
  pry
  rack-attack!
  rack-cache!
  rack-contrib
  rake (~> 0.9.2)
  rb-fsevent (~> 0.9.1)
  rerun
  rspec (~> 2.13)
  rspec-its
  s3!
  sentry-raven
  simplecov
  sinatra
  sinatra-contrib
  skylight (~> 0.6.0.beta.1)
  stackprof
  timecop (~> 0.8.0)
  travis-amqp!
  travis-api!
  travis-config (~> 0.1.0)
  travis-core!
  travis-migrations!
  travis-settings!
  travis-sidekiqs!
  travis-support!
  travis-yaml!
  unicorn
  yard-sinatra!

BUNDLED WITH
   1.12.5
