GIT
  remote: https://github.com/eric/metriks-librato_metrics
  revision: 3acb88b36c014a8b93bdd91a867c1b3db781ad4e
  specs:
    metriks-librato_metrics (1.0.6)
      metriks (>= 0.9.9.6)

GIT
  remote: https://github.com/rkh/yard-sinatra
  revision: b0d84033056dabdba08e7eee9438a3796d0d087d
  specs:
    yard-sinatra (1.0.0)
      yard (~> 0.7)

GIT
  remote: https://github.com/rtomayko/rack-cache
  revision: 1ab44995cfb57b9b49567cd0fafb7d88c41fbdc0
  specs:
    rack-cache (1.13.0)
      rack (>= 0.4)

GIT
<<<<<<< HEAD
<<<<<<< HEAD
  remote: https://github.com/travis-ci/gh
<<<<<<< HEAD
  revision: 482ccbc8159c73fd5e651476692c6ea3d9f416a8
  branch: tcie30-0_15_1
  specs:
    gh (0.15.1)
      addressable (~> 2.4.0)
      backports
      faraday (~> 0.8)
=======
  revision: c2257a41610bb8dc1e3b46fefea66261b05af4aa
  specs:
    gh (0.18.0)
      activesupport (>= 5, < 6.1)
      addressable (~> 2.4)
      faraday (~> 1.0)
      faraday_middleware (~> 1.0)
>>>>>>> 9c0d2d8c (Rspec are loading & some deprecation fixes)
      multi_json (~> 1.0)
      net-http-persistent (~> 2.9)
      net-http-pipeline

GIT
  remote: https://github.com/travis-ci/marginalia
  revision: 46bbe301640efb5ea81828cb7deeaf874516de78
  specs:
    marginalia (1.5.0)
      pg (~> 0.21)

GIT
=======
>>>>>>> 09873944 (ruby, ar upgrade && annoying bug fix for composite keys)
=======
  remote: https://github.com/svenfuchs/simple_states
  revision: 645d79768bfe6fc189e2c1637ec296289c6a9ca3
  ref: 645d79768bfe6fc189e2c1637ec296289c6a9ca3
  specs:
    simple_states (1.0.2)
      activesupport

GIT
>>>>>>> 283ce2a4 (problems with simple states)
  remote: https://github.com/travis-ci/s3
  revision: 386361c1b0ede19cde0ddaf86e41a16308575f5d
  specs:
    s3 (0.3.21)
      proxies (~> 0.2.0)

GIT
  remote: https://github.com/travis-ci/travis-amqp
  revision: 3966b3651adfd1c544f53d49d5986ac16cd9c4bc
  specs:
    travis-amqp (0.0.1)

GIT
  remote: https://github.com/travis-ci/travis-config
  revision: 6a1e8cf3059dfbc4c05c761f662085297dab8f33
  branch: fix-docker-redis-url
  specs:
    travis-config (1.0.13)
      hashr (~> 2.0.0)

GIT
  remote: https://github.com/travis-ci/travis-github_apps
  revision: c96dc9330849ff3e2ccd7c9d00005a1a96c1a4b6
  specs:
    travis-github_apps (0.2.1)
      activesupport (>= 3.2)
      faraday
      faraday_middleware
      jwt
      redis

GIT
  remote: https://github.com/travis-ci/travis-lock
  revision: faf5eef9f607505921d821e6cdf829583d630063
  specs:
    travis-lock (0.1.1)

GIT
  remote: https://github.com/travis-ci/travis-settings
  revision: debef595a6a54b082176edba630fdb5ee9d705af
  specs:
    travis-settings (0.0.1)
      activemodel
      virtus

GIT
  remote: https://github.com/travis-ci/travis-support
  revision: 4dda53ffa96b804db22c261551256caa18c4a2cc
  ref: 4dda53ffa96b804db22c261551256caa18c4a2cc
  specs:
    travis-support (0.0.1)

PATH
  remote: ../gh
  specs:
    gh (0.18.0)
      activesupport (>= 5, < 6.2)
      addressable (~> 2.4)
      faraday (~> 1.0)
      faraday_middleware (~> 1.0)
      multi_json (~> 1.0)
      net-http-persistent (~> 2.9)
      net-http-pipeline

PATH
  remote: ../marginalia
  specs:
    marginalia (1.6.0)
      pg (~> 1.3)

GEM
  remote: https://rubygems.org/
  specs:
    active_model_serializers (0.9.8)
      activemodel (>= 3.2)
      concurrent-ruby (~> 1.0)
    activemodel (6.1.4.6)
      activesupport (= 6.1.4.6)
    activerecord (6.1.4.6)
      activemodel (= 6.1.4.6)
      activesupport (= 6.1.4.6)
    activesupport (6.1.4.6)
      concurrent-ruby (~> 1.0, >= 1.0.2)
<<<<<<< HEAD
      i18n (>= 0.7, < 2)
      minitest (~> 5.1)
      tzinfo (~> 1.1)
<<<<<<< HEAD
    addressable (2.4.0)
    aggregate (0.2.2)
=======
      zeitwerk (~> 2.2, >= 2.2.2)
=======
      i18n (>= 1.6, < 2)
      minitest (>= 5.1)
      tzinfo (~> 2.0)
      zeitwerk (~> 2.3)
>>>>>>> 09873944 (ruby, ar upgrade && annoying bug fix for composite keys)
    addressable (2.8.0)
      public_suffix (>= 2.0.2, < 5.0)
    aggregate (0.2.3)
>>>>>>> 9c0d2d8c (Rspec are loading & some deprecation fixes)
    allocation_tracer (0.6.3)
    amq-protocol (2.3.2)
    atomic (1.1.101)
    avl_tree (1.1.3)
    axiom-types (0.1.1)
      descendants_tracker (~> 0.0.4)
      ice_nine (~> 0.11.0)
      thread_safe (~> 0.3, >= 0.3.1)
    builder (3.2.4)
    bunny (2.9.2)
      amq-protocol (~> 2.3.0)
    byebug (11.1.3)
    coder (0.4.0)
    coderay (1.1.3)
    coercible (1.0.0)
      descendants_tracker (~> 0.0.1)
    composite_primary_keys (13.0.3)
      activerecord (~> 6.1.0)
    concurrent-ruby (1.1.9)
    connection_pool (2.2.5)
    crack (0.4.5)
      rexml
    dalli (3.2.1)
    database_cleaner (2.0.1)
      database_cleaner-active_record (~> 2.0.0)
    database_cleaner-active_record (2.0.1)
      activerecord (>= 5.a)
      database_cleaner-core (~> 2.0.0)
    database_cleaner-core (2.0.1)
    descendants_tracker (0.0.4)
      thread_safe (~> 0.3, >= 0.3.1)
    diff-lcs (1.5.0)
    docile (1.4.0)
    domain_name (0.5.20190701)
      unf (>= 0.0.5, < 1.0.0)
    equalizer (0.0.11)
    excon (0.91.0)
    factory_bot (6.2.0)
      activesupport (>= 5.0.0)
    faraday (1.9.3)
      faraday-em_http (~> 1.0)
      faraday-em_synchrony (~> 1.0)
      faraday-excon (~> 1.1)
      faraday-httpclient (~> 1.0)
      faraday-multipart (~> 1.0)
      faraday-net_http (~> 1.0)
      faraday-net_http_persistent (~> 1.0)
      faraday-patron (~> 1.0)
      faraday-rack (~> 1.0)
      faraday-retry (~> 1.0)
      ruby2_keywords (>= 0.0.4)
    faraday-em_http (1.0.0)
    faraday-em_synchrony (1.0.0)
    faraday-excon (1.1.0)
    faraday-httpclient (1.0.1)
    faraday-multipart (1.0.3)
      multipart-post (>= 1.2, < 3)
    faraday-net_http (1.0.1)
    faraday-net_http_persistent (1.2.0)
    faraday-patron (1.0.0)
    faraday-rack (1.0.0)
    faraday-retry (1.0.3)
    faraday_middleware (1.2.0)
      faraday (~> 1.0)
    ffi (1.15.5)
    ffi-compiler (1.0.1)
      ffi (>= 1.0.0)
      rake
    fog-aws (0.12.0)
      fog-core (~> 1.38)
      fog-json (~> 1.0)
      fog-xml (~> 0.1)
      ipaddress (~> 0.8)
    fog-core (1.45.0)
      builder
      excon (~> 0.58)
      formatador (~> 0.2)
    fog-google (0.4.2)
      fog-core
      fog-json
      fog-xml
    fog-json (1.2.0)
      fog-core
      multi_json (~> 1.10)
    fog-xml (0.1.4)
      fog-core
      nokogiri (>= 1.5.11, < 2.0.0)
    foreman (0.87.2)
    formatador (0.3.0)
    gapic-common (0.8.0)
      faraday (~> 1.3)
      google-protobuf (~> 3.14)
      googleapis-common-protos (>= 1.3.11, < 2.a)
      googleapis-common-protos-types (>= 1.0.6, < 2.a)
      googleauth (>= 0.17.0, < 2.a)
      grpc (~> 1.36)
    google-api-client (0.9.28)
      addressable (~> 2.3)
      googleauth (~> 0.5)
      httpclient (~> 2.7)
      hurley (~> 0.1)
      memoist (~> 0.11)
      mime-types (>= 1.6)
      representable (~> 2.3.0)
      retriable (~> 2.0)
    google-cloud-env (1.5.0)
      faraday (>= 0.17.3, < 2.0)
    google-cloud-errors (1.2.0)
    google-cloud-monitoring-v3 (0.7.1)
      gapic-common (>= 0.7, < 2.a)
      google-cloud-errors (~> 1.0)
    google-cloud-trace-v2 (0.3.5)
      gapic-common (>= 0.7, < 2.a)
      google-cloud-errors (~> 1.0)
    google-protobuf (3.19.4-x86_64-darwin)
    googleapis-common-protos (1.3.12)
      google-protobuf (~> 3.14)
      googleapis-common-protos-types (~> 1.2)
      grpc (~> 1.27)
    googleapis-common-protos-types (1.3.0)
      google-protobuf (~> 3.14)
    googleauth (0.17.1)
      faraday (>= 0.17.3, < 2.0)
      jwt (>= 1.4, < 3.0)
      memoist (~> 0.16)
      multi_json (~> 1.11)
      os (>= 0.9, < 2.0)
      signet (~> 0.15)
    grpc (1.43.1-universal-darwin)
      google-protobuf (~> 3.18)
      googleapis-common-protos-types (~> 1.0)
    hashdiff (1.0.1)
    hashr (2.0.1)
    hitimes (1.3.1)
    http (4.4.1)
      addressable (~> 2.3)
      http-cookie (~> 1.0)
      http-form_data (~> 2.2)
      http-parser (~> 1.2.0)
    http-cookie (1.0.4)
      domain_name (~> 0.5)
    http-form_data (2.3.0)
    http-parser (1.2.3)
      ffi-compiler (>= 1.0, < 2.0)
    httpclient (2.8.3)
    hurley (0.2)
    i18n (1.10.0)
      concurrent-ruby (~> 1.0)
    ice_nine (0.11.2)
    ipaddress (0.8.3)
    jwt (2.3.0)
    kgio (2.11.4)
    knapsack (4.0.0)
      rake
    libhoney (2.1.0)
      addressable (~> 2.0)
      excon
      http (>= 2.0, < 6.0)
    librato-metrics (2.1.2)
      aggregate (~> 0.2.2)
      faraday
    listen (3.1.5)
      rb-fsevent (~> 0.9, >= 0.9.4)
      rb-inotify (~> 0.9, >= 0.9.7)
      ruby_dep (~> 1.2)
    memcachier (0.0.2)
    memoist (0.16.2)
    memory_profiler (1.0.0)
    method_source (1.0.0)
    metriks (0.9.9.6)
      atomic (~> 1.0)
      avl_tree (~> 1.1.2)
      hitimes (~> 1.1)
    mime-types (3.4.1)
      mime-types-data (~> 3.2015)
<<<<<<< HEAD
    mime-types-data (3.2016.0521)
    mini_portile2 (2.5.3)
    minitest (5.14.4)
    mocha (1.11.2)
    msgpack (1.4.2)
=======
    mime-types-data (3.2022.0105)
    minitest (5.15.0)
    mocha (1.13.0)
<<<<<<< HEAD
    msgpack (1.4.4)
>>>>>>> 9c0d2d8c (Rspec are loading & some deprecation fixes)
=======
    msgpack (1.4.5)
>>>>>>> eb68a1fe (Further gems update)
    multi_json (1.15.0)
    multipart-post (2.1.1)
    mustermann (1.1.1)
      ruby2_keywords (~> 0.0.1)
    nakayoshi_fork (0.0.4)
    net-http-persistent (2.9.4)
    net-http-pipeline (1.0.1)
    nokogiri (1.13.1-x86_64-darwin)
      racc (~> 1.4)
    opencensus (0.5.0)
    opencensus-stackdriver (0.4.1)
      concurrent-ruby (~> 1.0)
      google-cloud-env (~> 1.3)
      google-cloud-monitoring-v3 (~> 0.1)
      google-cloud-trace-v2 (~> 0.1)
      opencensus (~> 0.5)
    optimist (3.0.1)
    os (1.1.4)
    pg (1.3.2)
    proxies (0.2.3)
<<<<<<< HEAD
    pry (0.10.4)
      coderay (~> 1.1.0)
      method_source (~> 0.8.1)
      slop (~> 3.4)
    pry-byebug (3.6.0)
      byebug (~> 10.0)
      pry (~> 0.10)
=======
    pry (0.13.1)
      coderay (~> 1.1)
      method_source (~> 1.0)
    pry-byebug (3.9.0)
      byebug (~> 11.0)
      pry (~> 0.13.0)
    public_suffix (4.0.6)
>>>>>>> 9c0d2d8c (Rspec are loading & some deprecation fixes)
    pusher (0.14.6)
      httpclient (~> 2.5)
      multi_json (~> 1.0)
      pusher-signature (~> 0.1.8)
    pusher-signature (0.1.8)
    racc (1.6.0)
    rack (2.2.3)
    rack-attack (5.4.2)
      rack (>= 1.0, < 3)
    rack-contrib (2.3.0)
      rack (~> 2.0)
    rack-protection (2.1.0)
      rack
    rack-ssl (1.4.1)
      rack
    rack-test (1.1.0)
      rack (>= 1.0, < 3)
    raindrops (0.20.0)
    rake (13.0.6)
    rb-fsevent (0.9.8)
    rb-inotify (0.10.1)
      ffi (~> 1.0)
    rbtrace (0.4.14)
      ffi (>= 1.0.6)
      msgpack (>= 0.4.3)
      optimist (>= 3.0.0)
    redcarpet (3.5.1)
    redis (3.3.5)
    redis-namespace (1.8.1)
      redis (>= 3.0.4)
    redlock (1.2.2)
      redis (>= 3.0.0, < 5.0)
    representable (2.3.0)
      uber (~> 0.0.7)
    rerun (0.13.1)
      listen (~> 3.0)
    retriable (2.1.0)
    rexml (3.2.5)
    rollout (1.1.0)
    rspec (3.11.0)
      rspec-core (~> 3.11.0)
      rspec-expectations (~> 3.11.0)
      rspec-mocks (~> 3.11.0)
    rspec-core (3.11.0)
      rspec-support (~> 3.11.0)
    rspec-expectations (3.11.0)
      diff-lcs (>= 1.2.0, < 2.0)
      rspec-support (~> 3.11.0)
    rspec-its (1.3.0)
      rspec-core (>= 3.0.0)
      rspec-expectations (>= 3.0.0)
    rspec-mocks (3.11.0)
      diff-lcs (>= 1.2.0, < 2.0)
      rspec-support (~> 3.11.0)
    rspec-support (3.11.0)
    ruby2_keywords (0.0.5)
    ruby_dep (1.5.0)
    sentry-raven (3.1.2)
      faraday (>= 1.0)
    sidekiq (5.2.9)
      connection_pool (~> 2.2, >= 2.2.2)
      rack (~> 2.0)
      rack-protection (>= 1.5.0)
      redis (>= 3.3.5, < 4.2)
    signet (0.16.0)
      addressable (~> 2.8)
      faraday (>= 0.17.3, < 2.0)
      jwt (>= 1.5, < 3.0)
      multi_json (~> 1.10)
    simplecov (0.21.2)
      docile (~> 1.1)
      simplecov-html (~> 0.11)
      simplecov_json_formatter (~> 0.1)
    simplecov-html (0.12.3)
    simplecov_json_formatter (0.1.4)
    sinatra (2.1.0)
      mustermann (~> 1.0)
      rack (~> 2.2)
      rack-protection (= 2.1.0)
      tilt (~> 2.0)
    sinatra-contrib (2.1.0)
      multi_json
      mustermann (~> 1.0)
      rack-protection (= 2.1.0)
      sinatra (= 2.1.0)
      tilt (~> 2.0)
    stackprof (0.2.17)
    thread_safe (0.3.6)
    tilt (2.0.10)
    timecop (0.9.4)
    tool (0.2.3)
    travis-rollout (0.0.2)
    tzinfo (2.0.4)
      concurrent-ruby (~> 1.0)
    uber (0.0.15)
    unf (0.1.4)
      unf_ext
    unf_ext (0.0.8)
    unicorn (6.1.0)
      kgio (~> 2.6)
      raindrops (~> 0.7)
    useragent (0.16.10)
    virtus (1.0.5)
      axiom-types (~> 0.1)
      coercible (~> 1.0)
      descendants_tracker (~> 0.0, >= 0.0.3)
      equalizer (~> 0.0, >= 0.0.9)
    webmock (3.14.0)
      addressable (>= 2.8.0)
      crack (>= 0.3.2)
      hashdiff (>= 0.4.0, < 2.0.0)
    webrick (1.7.0)
    yard (0.9.27)
      webrick (~> 1.7.0)
    zeitwerk (2.5.4)

PLATFORMS
  x86_64-darwin-21

DEPENDENCIES
  active_model_serializers (~> 0.9.8)
  activerecord (~> 6.1.4.4)
  addressable (~> 2.8.0)
  allocation_tracer
  bunny (~> 2.9.2)
  coder (~> 0.4.0)
  composite_primary_keys (~> 13.0.3)
  dalli
  database_cleaner
  factory_bot
  faraday
  faraday_middleware
  fog-aws (~> 0.12.0)
  fog-google (~> 0.4.2)
  foreman
  gh!
  google-api-client (~> 0.9.4)
  hashdiff
  hashr
  http (~> 4)
  ipaddress (~> 0.8.3)
  knapsack
  libhoney
  librato-metrics
  marginalia!
  memcachier
  memory_profiler
  metriks (= 0.9.9.6)
  metriks-librato_metrics!
  mime-types
  mocha
  multi_json
  nakayoshi_fork
  opencensus
  opencensus-stackdriver
  os (~> 1.1.4)
  pg (~> 1.3)
  pry
  pry-byebug
  pusher (~> 0.14.0)
  rack (~> 2.2.3)
  rack-attack (~> 5.0)
  rack-cache!
  rack-contrib (= 2.3.0)
  rack-ssl (~> 1.3, >= 1.3.3)
  rack-test
  rake (~> 13.0.6)
  rb-fsevent (~> 0.9.1)
  rbtrace
  redcarpet (>= 3.2.3)
  redis (~> 3.0)
  redis-namespace
  redlock (~> 1.2.2)
  rerun
  rollout (~> 1.1.0)
  rspec
  rspec-its
  s3!
  sentry-raven
  sidekiq
  simple_states!
  simplecov
  sinatra
  sinatra-contrib
  stackprof
  timecop
  tool
  travis-amqp!
  travis-config!
  travis-github_apps!
  travis-lock!
  travis-rollout (~> 0.0.2)
  travis-settings!
  travis-support!
  unicorn
  useragent
  virtus (~> 1.0.0)
  webmock
  yard-sinatra!

RUBY VERSION
   ruby 2.7.5p203

BUNDLED WITH
   2.3.6
