GIT
  remote: https://github.com/eric/metriks-librato_metrics
  revision: 3acb88b36c014a8b93bdd91a867c1b3db781ad4e
  specs:
    metriks-librato_metrics (1.0.6)
      metriks (>= 0.9.9.6)

GIT
  remote: https://github.com/rkh/yard-sinatra
  revision: 00774d355123617ff0faa7e0ebd54c4cdcfcdf93
  specs:
    yard-sinatra (1.0.0)
      yard (~> 0.7)

GIT
  remote: https://github.com/rtomayko/rack-cache
  revision: 2d6618172c39c53dceab2e2946d87496154f3e52
  specs:
    rack-cache (1.6.1)
      rack (>= 0.4)

GIT
  remote: https://github.com/travis-ci/s3
  revision: 386361c1b0ede19cde0ddaf86e41a16308575f5d
  specs:
    s3 (0.3.21)
      proxies (~> 0.2.0)

GIT
  remote: https://github.com/travis-ci/travis-amqp
  revision: 3966b3651adfd1c544f53d49d5986ac16cd9c4bc
  specs:
    travis-amqp (0.0.1)

GIT
  remote: https://github.com/travis-ci/travis-config
  revision: a64596623f8f8ee70838a4dc4d7803906a049733
  specs:
    travis-config (1.0.13)
      hashr (~> 2.0.0)

GIT
  remote: https://github.com/travis-ci/travis-lock
  revision: b418401c79e082aa53a62364f7b01a9be6f0d768
  specs:
    travis-lock (0.1.1)

GIT
  remote: https://github.com/travis-ci/travis-settings
  revision: d510e63b6c6f059cccae141c265e7a0c7236d1fd
  specs:
    travis-settings (0.0.1)
      activemodel
      virtus

GIT
  remote: https://github.com/travis-ci/travis-sidekiqs
  revision: c5d4a4abc6c3737f9c43d3333efb94daa18b9fbb
  specs:
    travis-sidekiqs (0.0.1)
      redis-namespace
      sidekiq

GIT
  remote: https://github.com/travis-ci/travis-support
  revision: 113cff17fe383bb72fcfae3a97a8ce98c228342f
  specs:
    travis-support (0.0.1)

GIT
  remote: https://github.com/travis-ci/travis-yaml
  revision: 032caed23af8ed1ed55e9204bb91316f3ada2f74
  specs:
    travis-yaml (0.2.0)

PATH
  remote: .
  specs:
    travis-api (0.0.1)
      activerecord (~> 3.2.19)
      coder (~> 0.4.0)
      composite_primary_keys (~> 5.0)
      fog-aws (~> 0.12.0)
      fog-google (~> 0.4.2)
      google-api-client (~> 0.9.4)
      hashr
      memcachier
      multi_json
      mustermann (~> 1.0.0.beta2)
      pg
      pusher (~> 0.14.0)
      rack-contrib (~> 1.1)
      rack-ssl (~> 1.3, >= 1.3.3)
      redcarpet (>= 3.2.3)
      redis (~> 3.0)
      rollout (~> 1.1.0)
      simple_states
      sinatra (~> 1.3)
      sinatra-contrib (~> 1.3)
      tool
      travis-support
      useragent
      virtus (~> 1.0.0)

GEM
  remote: https://rubygems.org/
  specs:
    active_model_serializers (0.9.5)
      activemodel (>= 3.2)
    activemodel (3.2.22.5)
      activesupport (= 3.2.22.5)
      builder (~> 3.0.0)
    activerecord (3.2.22.5)
      activemodel (= 3.2.22.5)
      activesupport (= 3.2.22.5)
      arel (~> 3.0.2)
      tzinfo (~> 0.3.29)
    activesupport (3.2.22.5)
      i18n (~> 0.6, >= 0.6.4)
      multi_json (~> 1.0)
    addressable (2.5.0)
      public_suffix (~> 2.0, >= 2.0.2)
    appsignal (2.2.1)
      rack
      thread_safe
    arel (3.0.3)
    atomic (1.1.99)
    avl_tree (1.1.3)
    axiom-types (0.1.1)
      descendants_tracker (~> 0.0.4)
      ice_nine (~> 0.11.0)
      thread_safe (~> 0.3, >= 0.3.1)
    backports (3.6.8)
    builder (3.0.4)
    bunny (0.8.0)
    coder (0.4.0)
    coderay (1.1.1)
    coercible (1.0.0)
      descendants_tracker (~> 0.0.1)
    composite_primary_keys (5.0.14)
      activerecord (~> 3.2.0, >= 3.2.9)
    concurrent-ruby (1.0.2)
    connection_pool (2.2.1)
    crack (0.4.3)
      safe_yaml (~> 1.0.0)
    customerio (1.0.0)
      multi_json (~> 1.0)
    dalli (2.7.6)
    database_cleaner (0.8.0)
    descendants_tracker (0.0.4)
      thread_safe (~> 0.3, >= 0.3.1)
    diff-lcs (1.2.5)
    docile (1.1.5)
    equalizer (0.0.11)
    excon (0.55.0)
    factory_girl (2.4.2)
      activesupport
    faraday (0.12.1)
      multipart-post (>= 1.2, < 3)
    ffi (1.9.14)
    fog-aws (0.12.0)
      fog-core (~> 1.38)
      fog-json (~> 1.0)
      fog-xml (~> 0.1)
      ipaddress (~> 0.8)
    fog-core (1.43.0)
      builder
      excon (~> 0.49)
      formatador (~> 0.2)
    fog-google (0.4.2)
      fog-core
      fog-json
      fog-xml
    fog-json (1.0.2)
      fog-core (~> 1.0)
      multi_json (~> 1.10)
    fog-xml (0.1.2)
      fog-core
      nokogiri (~> 1.5, >= 1.5.11)
    foreman (0.82.0)
      thor (~> 0.19.1)
    formatador (0.2.5)
    gh (0.14.0)
      addressable
      backports
      faraday (~> 0.8)
      multi_json (~> 1.0)
      net-http-persistent (>= 2.7)
      net-http-pipeline
    git-version-bump (0.15.1)
    google-api-client (0.9.28)
      addressable (~> 2.3)
      googleauth (~> 0.5)
      httpclient (~> 2.7)
      hurley (~> 0.1)
      memoist (~> 0.11)
      mime-types (>= 1.6)
      representable (~> 2.3.0)
      retriable (~> 2.0)
    googleauth (0.5.1)
      faraday (~> 0.9)
      jwt (~> 1.4)
      logging (~> 2.0)
      memoist (~> 0.12)
      multi_json (~> 1.11)
      os (~> 0.9)
      signet (~> 0.7)
    hashdiff (0.3.1)
    hashr (2.0.0)
    hitimes (1.2.4)
    httpclient (2.8.3)
    hurley (0.2)
    i18n (0.8.4)
    ice_nine (0.11.2)
    ipaddress (0.8.3)
    jemalloc (1.0.1)
    json (2.0.2)
    jwt (1.5.6)
    kgio (2.10.0)
    listen (3.1.5)
      rb-fsevent (~> 0.9, >= 0.9.4)
      rb-inotify (~> 0.9, >= 0.9.7)
      ruby_dep (~> 1.2)
    little-plugger (1.1.4)
    logging (2.1.0)
      little-plugger (~> 1.1)
      multi_json (~> 1.10)
    memcachier (0.0.2)
    memoist (0.15.0)
    metaclass (0.0.4)
    method_source (0.8.2)
    metriks (0.9.9.6)
      atomic (~> 1.0)
      avl_tree (~> 1.1.2)
      hitimes (~> 1.1)
    mime-types (3.1)
      mime-types-data (~> 3.2015)
    mime-types-data (3.2016.0521)
    mini_portile2 (2.2.0)
    mocha (0.14.0)
      metaclass (~> 0.0.1)
    multi_json (1.12.1)
    multipart-post (2.0.0)
    mustermann (1.0.0.beta2)
    net-http-persistent (3.0.0)
      connection_pool (~> 2.2)
    net-http-pipeline (1.0.1)
    netaddr (1.5.1)
    nokogiri (1.8.0)
      mini_portile2 (~> 2.2.0)
    os (0.9.6)
    pg (0.19.0)
    proxies (0.2.1)
    pry (0.10.4)
      coderay (~> 1.1.0)
      method_source (~> 0.8.1)
      slop (~> 3.4)
    public_suffix (2.0.4)
    pusher (0.14.6)
      httpclient (~> 2.5)
      multi_json (~> 1.0)
      pusher-signature (~> 0.1.8)
    pusher-signature (0.1.8)
    rack (1.6.5)
    rack-attack (5.0.0.beta1)
      rack
    rack-contrib (1.4.0)
      git-version-bump (~> 0.15)
      rack (~> 1.4)
    rack-protection (1.5.3)
      rack
    rack-ssl (1.4.1)
      rack
    rack-test (0.6.3)
      rack (>= 1.0)
    raindrops (0.17.0)
    rake (0.9.6)
    rb-fsevent (0.9.8)
    rb-inotify (0.9.7)
      ffi (>= 0.5.0)
    redcarpet (3.4.0)
    redis (3.3.2)
    redis-namespace (1.5.2)
      redis (~> 3.0, >= 3.0.4)
    redlock (0.1.8)
      redis (~> 3, >= 3.0.0)
    representable (2.3.0)
      uber (~> 0.0.7)
    rerun (0.11.0)
      listen (~> 3.0)
    retriable (2.1.0)
    rollout (1.1.0)
    rspec (2.99.0)
      rspec-core (~> 2.99.0)
      rspec-expectations (~> 2.99.0)
      rspec-mocks (~> 2.99.0)
    rspec-core (2.99.2)
    rspec-expectations (2.99.2)
      diff-lcs (>= 1.1.3, < 2.0)
    rspec-its (1.0.1)
      rspec-core (>= 2.99.0.beta1)
      rspec-expectations (>= 2.99.0.beta1)
    rspec-mocks (2.99.4)
    ruby_dep (1.5.0)
    safe_yaml (1.0.4)
    sentry-raven (2.5.3)
      faraday (>= 0.7.6, < 1.0)
    sidekiq (4.2.6)
      concurrent-ruby (~> 1.0)
      connection_pool (~> 2.2, >= 2.2.0)
      rack-protection (>= 1.5.0)
      redis (~> 3.2, >= 3.2.1)
    signet (0.7.3)
      addressable (~> 2.3)
      faraday (~> 0.9)
      jwt (~> 1.5)
      multi_json (~> 1.10)
    simple_states (1.0.2)
      activesupport
    simplecov (0.12.0)
      docile (~> 1.1.0)
      json (>= 1.8, < 3)
      simplecov-html (~> 0.10.0)
    simplecov-html (0.10.0)
    sinatra (1.4.7)
      rack (~> 1.5)
      rack-protection (~> 1.4)
      tilt (>= 1.3, < 3)
    sinatra-contrib (1.4.7)
      backports (>= 2.0)
      multi_json
      rack-protection
      rack-test
      sinatra (~> 1.4.0)
      tilt (>= 1.3, < 3)
    skylight (1.3.1)
      activesupport (>= 3.0.0)
    slop (3.6.0)
    stackprof (0.2.10)
    thor (0.19.1)
    thread_safe (0.3.5)
    tilt (2.0.5)
    timecop (0.8.1)
    tool (0.2.3)
    tzinfo (0.3.52)
    uber (0.0.15)
    unicorn (5.2.0)
      kgio (~> 2.6)
      raindrops (~> 0.7)
    useragent (0.16.8)
    virtus (1.0.5)
      axiom-types (~> 0.1)
      coercible (~> 1.0)
      descendants_tracker (~> 0.0, >= 0.0.3)
      equalizer (~> 0.0, >= 0.0.9)
    webmock (2.1.0)
      addressable (>= 2.3.6)
      crack (>= 0.3.2)
      hashdiff
    yard (0.9.5)

PLATFORMS
  ruby

DEPENDENCIES
  active_model_serializers
  appsignal
  bunny (~> 0.8.0)
  customerio
  dalli
  database_cleaner (~> 0.8.0)
  factory_girl (~> 2.4.0)
  foreman
  gh
  jemalloc
  metriks (= 0.9.9.6)
  metriks-librato_metrics!
  mime-types
  mocha (~> 0.12)
  mustermann
  netaddr
  pry
  rack-attack (= 5.0.0.beta1)
  rack-cache!
  rack-contrib
  rake (~> 0.9.2)
  rb-fsevent (~> 0.9.1)
  redlock
  rerun
  rspec (~> 2.13)
  rspec-its
  s3!
  sentry-raven
  simple_states (= 1.0.2)
  simplecov
  sinatra
  sinatra-contrib
  skylight
  stackprof
  timecop (~> 0.8.0)
  travis-amqp!
  travis-api!
  travis-config!
  travis-lock!
  travis-settings!
  travis-sidekiqs!
  travis-support!
  travis-yaml!
  unicorn
  webmock
  yard-sinatra!

RUBY VERSION
   ruby 2.3.4p301

BUNDLED WITH
   1.15.1
