GIT
  remote: https://github.com/rkh/yard-sinatra
  revision: b0d84033056dabdba08e7eee9438a3796d0d087d
  specs:
    yard-sinatra (1.0.0)
      yard (~> 0.7)

GIT
  remote: https://github.com/rtomayko/rack-cache
  revision: 07ff2f8d61379e0f54464928baf5f1cc3d94039c
  specs:
    rack-cache (1.13.0)
      rack (>= 0.4)

GIT
  remote: https://github.com/travis-ci/gh
  revision: e1fcd75786ffa75667e47d3d824b54d1bd0017fe
  specs:
    gh (0.21.0)
      activesupport (~> 7.0.8)
      addressable (~> 2.8)
      faraday (~> 2)
      faraday-retry
      faraday-typhoeus
      multi_json (~> 1)
      net-http-persistent (~> 4)
      net-http-pipeline

GIT
  remote: https://github.com/travis-ci/marginalia
  revision: d7c711abd60517b435e50b499fc8997ab67ababe
  specs:
    marginalia (1.6.0)
      pg

GIT
  remote: https://github.com/travis-ci/metriks
  revision: ca03449b2928962e41c8389283bd092053e91670
  specs:
    metriks (0.9.9.8)
      HDRHistogram (~> 0.1)
      atomic (~> 1.0)
      avl_tree (~> 1.2)
      hitimes (~> 1.3)

GIT
  remote: https://github.com/travis-ci/metriks-librato_metrics
  revision: e876ca2f0e1abcc745260c3772118e63fb946c8a
  specs:
    metriks-librato_metrics (1.0.6)

GIT
  remote: https://github.com/travis-ci/rollout
  revision: ec4db3ae6bbf8cf56ce4adce0814247c46195a0e
  specs:
    rollout (3.0.0)
      redis (~> 5.0)

GIT
  remote: https://github.com/travis-ci/simple_states
  revision: 1112afaf7bbbe51a6fdf8abae769ef827ab3bfd8
  branch: prd-ruby-upgrade-dev
  specs:
    simple_states (1.0.2)
      activesupport (~> 7.0)

GIT
  remote: https://github.com/travis-ci/travis-amqp
  revision: 69e72f432436eca5d39991255d5cc3b45c1035e6
  specs:
    travis-amqp (0.0.3)

GIT
  remote: https://github.com/travis-ci/travis-config
  revision: 601e9a6dcb799dc14944c40153c60aaf935629ee
  specs:
    travis-config (2.0.0)
      hashr (~> 2.0)

GIT
  remote: https://github.com/travis-ci/travis-github_apps
  revision: 146c5c4583a80ecab41017749eb97aade600e365
  specs:
    travis-github_apps (0.3.0)
      activesupport (>= 3.2)
      faraday (~> 2)
      faraday-follow_redirects
      jwt
      redis

GIT
  remote: https://github.com/travis-ci/travis-lock
  revision: 66138c702998ff71d29a721bb738d1db2ece5647
  specs:
    travis-lock (0.3.0)

GIT
  remote: https://github.com/travis-ci/travis-rollout
  revision: 4e89a17a4b5ca1f6269fb8bc1d067faabc49ac92
  specs:
    travis-rollout (0.1.0)

GIT
  remote: https://github.com/travis-ci/travis-settings
  revision: 7e48e09c1df1c95abaf13a0dcec78bdfab9f86ee
  specs:
    travis-settings (0.1.0)
      activemodel
      virtus

GIT
  remote: https://github.com/travis-ci/travis-support
  revision: 8b566a94502267b3115c901f8409dc2165b6539b
  specs:
    travis-support (0.1.0)

GEM
  remote: https://rubygems.org/
  specs:
    HDRHistogram (0.1.11)
    active_model_serializers (0.9.9)
      activemodel (>= 3.2)
      concurrent-ruby (~> 1.0)
    activemodel (7.0.8.1)
      activesupport (= 7.0.8.1)
    activerecord (7.0.8.1)
      activemodel (= 7.0.8.1)
      activesupport (= 7.0.8.1)
    activesupport (7.0.8.1)
      concurrent-ruby (~> 1.0, >= 1.0.2)
      i18n (>= 1.6, < 2)
      minitest (>= 5.1)
      tzinfo (~> 2.0)
    addressable (2.8.4)
      public_suffix (>= 2.0.2, < 6.0)
    aggregate (0.2.3)
    allocation_tracer (0.6.3)
    amq-protocol (2.3.2)
    ansi (1.5.0)
    ast (2.4.2)
    atomic (1.1.101)
    avl_tree (1.2.1)
      atomic (~> 1.1)
    aws-eventstream (1.2.0)
    aws-partitions (1.791.0)
    aws-sdk-core (3.178.0)
      aws-eventstream (~> 1, >= 1.0.2)
      aws-partitions (~> 1, >= 1.651.0)
      aws-sigv4 (~> 1.5)
      jmespath (~> 1, >= 1.6.1)
    aws-sdk-kms (1.71.0)
      aws-sdk-core (~> 3, >= 3.177.0)
      aws-sigv4 (~> 1.1)
    aws-sdk-s3 (1.131.0)
      aws-sdk-core (~> 3, >= 3.177.0)
      aws-sdk-kms (~> 1)
      aws-sigv4 (~> 1.6)
    aws-sigv4 (1.6.0)
      aws-eventstream (~> 1, >= 1.0.2)
    axiom-types (0.1.1)
      descendants_tracker (~> 0.0.4)
      ice_nine (~> 0.11.0)
      thread_safe (~> 0.3, >= 0.3.1)
    bunny (2.22.0)
      amq-protocol (~> 2.3, >= 2.3.1)
      sorted_set (~> 1, >= 1.0.2)
    byebug (11.1.3)
    closeio (3.15.0)
      faraday (> 2.0)
      json
    coder (0.4.0)
    coderay (1.1.3)
    coercible (1.0.0)
      descendants_tracker (~> 0.0.1)
    composite_primary_keys (14.0.6)
      activerecord (~> 7.0.2)
    concurrent-ruby (1.2.2)
    connection_pool (2.4.1)
    crack (0.4.5)
      rexml
    dalli (3.2.5)
    database_cleaner (2.0.2)
      database_cleaner-active_record (>= 2, < 3)
    database_cleaner-active_record (2.1.0)
      activerecord (>= 5.a)
      database_cleaner-core (~> 2.0.0)
    database_cleaner-core (2.0.1)
    declarative (0.0.20)
    descendants_tracker (0.0.4)
      thread_safe (~> 0.3, >= 0.3.1)
    diff-lcs (1.5.0)
    digest-crc (0.6.5)
      rake (>= 12.0.0, < 14.0.0)
    docile (1.4.0)
    domain_name (0.5.20190701)
      unf (>= 0.0.5, < 1.0.0)
    dry-configurable (1.1.0)
      dry-core (~> 1.0, < 2)
      zeitwerk (~> 2.6)
    dry-core (1.0.0)
      concurrent-ruby (~> 1.0)
      zeitwerk (~> 2.6)
    dry-inflector (1.0.0)
    dry-initializer (3.1.1)
    dry-logic (1.5.0)
      concurrent-ruby (~> 1.0)
      dry-core (~> 1.0, < 2)
      zeitwerk (~> 2.6)
    dry-schema (1.13.2)
      concurrent-ruby (~> 1.0)
      dry-configurable (~> 1.0, >= 1.0.1)
      dry-core (~> 1.0, < 2)
      dry-initializer (~> 3.0)
      dry-logic (>= 1.4, < 2)
      dry-types (>= 1.7, < 2)
      zeitwerk (~> 2.6)
    dry-struct (1.6.0)
      dry-core (~> 1.0, < 2)
      dry-types (>= 1.7, < 2)
      ice_nine (~> 0.11)
      zeitwerk (~> 2.6)
    dry-types (1.7.1)
      concurrent-ruby (~> 1.0)
      dry-core (~> 1.0)
      dry-inflector (~> 1.0)
      dry-logic (~> 1.4)
      zeitwerk (~> 2.6)
    ed25519 (1.3.0)
    ethon (0.16.0)
      ffi (>= 1.15.0)
    excon (0.100.0)
    factory_bot (6.2.1)
      activesupport (>= 5.0.0)
    faraday (2.7.10)
      faraday-net_http (>= 2.0, < 3.1)
      ruby2_keywords (>= 0.0.4)
    faraday-follow_redirects (0.3.0)
      faraday (>= 1, < 3)
    faraday-net_http (3.0.2)
    faraday-net_http_persistent (2.1.0)
      faraday (~> 2.5)
      net-http-persistent (~> 4.0)
    faraday-retry (2.2.0)
      faraday (~> 2.0)
    faraday-typhoeus (1.1.0)
      faraday (~> 2.0)
      typhoeus (~> 1.4)
    ffi (1.15.5)
    ffi-compiler (1.0.1)
      ffi (>= 1.0.0)
      rake
    foreman (0.87.2)
    gapic-common (0.19.1)
      faraday (>= 1.9, < 3.a)
      faraday-retry (>= 1.0, < 3.a)
      google-protobuf (~> 3.14)
      googleapis-common-protos (>= 1.3.12, < 2.a)
      googleapis-common-protos-types (>= 1.3.1, < 2.a)
      googleauth (~> 1.0)
      grpc (~> 1.36)
    google-apis-core (0.11.1)
      addressable (~> 2.5, >= 2.5.1)
      googleauth (>= 0.16.2, < 2.a)
      httpclient (>= 2.8.1, < 3.a)
      mini_mime (~> 1.0)
      representable (~> 3.0)
      retriable (>= 2.0, < 4.a)
      rexml
      webrick
    google-apis-iamcredentials_v1 (0.17.0)
      google-apis-core (>= 0.11.0, < 2.a)
    google-apis-storage_v1 (0.19.0)
      google-apis-core (>= 0.9.0, < 2.a)
    google-cloud-core (1.6.0)
      google-cloud-env (~> 1.0)
      google-cloud-errors (~> 1.0)
    google-cloud-env (1.6.0)
      faraday (>= 0.17.3, < 3.0)
    google-cloud-errors (1.3.1)
    google-cloud-monitoring-v3 (0.12.1)
      gapic-common (>= 0.19.1, < 2.a)
      google-cloud-errors (~> 1.0)
    google-cloud-storage (1.44.0)
      addressable (~> 2.8)
      digest-crc (~> 0.4)
      google-apis-iamcredentials_v1 (~> 0.1)
      google-apis-storage_v1 (~> 0.19.0)
      google-cloud-core (~> 1.6)
      googleauth (>= 0.16.2, < 2.a)
      mini_mime (~> 1.0)
    google-cloud-trace-v2 (0.6.1)
      gapic-common (>= 0.19.1, < 2.a)
      google-cloud-errors (~> 1.0)
    google-protobuf (3.23.4-arm64-darwin)
    google-protobuf (3.23.4-x86_64-linux)
    googleapis-common-protos (1.4.0)
      google-protobuf (~> 3.14)
      googleapis-common-protos-types (~> 1.2)
      grpc (~> 1.27)
    googleapis-common-protos-types (1.7.0)
      google-protobuf (~> 3.14)
    googleauth (1.7.0)
      faraday (>= 0.17.3, < 3.a)
      jwt (>= 1.4, < 3.0)
      memoist (~> 0.16)
      multi_json (~> 1.11)
      os (>= 0.9, < 2.0)
      signet (>= 0.16, < 2.a)
    grpc (1.56.2)
      google-protobuf (~> 3.23)
      googleapis-common-protos-types (~> 1.0)
    grpc (1.56.2-x86_64-linux)
      google-protobuf (~> 3.23)
      googleapis-common-protos-types (~> 1.0)
    hashdiff (1.0.1)
    hashr (2.0.1)
    hitimes (1.3.1)
    http (5.1.1)
      addressable (~> 2.8)
      http-cookie (~> 1.0)
      http-form_data (~> 2.2)
      llhttp-ffi (~> 0.4.0)
    http-cookie (1.0.5)
      domain_name (~> 0.5)
    http-form_data (2.3.0)
    httpclient (2.8.3)
    i18n (1.14.1)
      concurrent-ruby (~> 1.0)
    ice_nine (0.11.2)
    ipaddress (0.8.3)
    jmespath (1.6.2)
    json (2.6.3)
    jwt (2.7.1)
    kgio (2.11.4)
    knapsack (4.0.0)
      rake
    language_server-protocol (3.17.0.3)
    libhoney (2.2.0)
      addressable (~> 2.0)
      excon
      http (>= 2.0, < 6.0)
    librato-metrics (2.1.2)
      aggregate (~> 0.2.2)
      faraday
    listen (3.8.0)
      rb-fsevent (~> 0.10, >= 0.10.3)
      rb-inotify (~> 0.9, >= 0.9.10)
    llhttp-ffi (0.4.0)
      ffi-compiler (~> 1.0)
      rake (~> 13.0)
    memoist (0.16.2)
    memory_profiler (1.0.1)
    method_source (1.0.0)
    mime-types (3.4.1)
      mime-types-data (~> 3.2015)
    mime-types-data (3.2023.0218.1)
    mini_mime (1.1.2)
    minitest (5.18.1)
    mocha (2.0.4)
      ruby2_keywords (>= 0.0.5)
    msgpack (1.7.2)
    multi_json (1.15.0)
    mustermann (3.0.0)
      ruby2_keywords (~> 0.0.1)
    nakayoshi_fork (0.0.4)
    net-http-persistent (4.0.2)
      connection_pool (~> 2.2)
    net-http-pipeline (1.0.1)
    opencensus (0.5.0)
    opencensus-stackdriver (0.4.1)
      concurrent-ruby (~> 1.0)
      google-cloud-env (~> 1.3)
      google-cloud-monitoring-v3 (~> 0.1)
      google-cloud-trace-v2 (~> 0.1)
      opencensus (~> 0.5)
    optimist (3.0.1)
    os (1.1.4)
    parallel (1.23.0)
    parser (3.2.2.3)
      ast (~> 2.4.1)
      racc
    pg (1.5.3)
    pry (0.14.2)
      coderay (~> 1.1)
      method_source (~> 1.0)
    pry-byebug (3.10.1)
      byebug (~> 11.0)
      pry (>= 0.13, < 0.15)
    public_suffix (5.0.3)
    pusher (2.0.3)
      httpclient (~> 2.8)
      multi_json (~> 1.15)
      pusher-signature (~> 0.1.8)
    pusher-signature (0.1.8)
    racc (1.7.1)
    rack (2.2.7)
    rack-attack (6.6.1)
      rack (>= 1.0, < 3)
    rack-contrib (2.3.0)
      rack (~> 2.0)
    rack-protection (3.0.6)
      rack
    rack-ssl (1.4.1)
      rack
    rack-test (2.1.0)
      rack (>= 1.3)
    rainbow (3.1.1)
    raindrops (0.20.1)
    rake (13.0.6)
    rb-fsevent (0.11.2)
    rb-inotify (0.10.1)
      ffi (~> 1.0)
    rbtrace (0.4.14)
      ffi (>= 1.0.6)
      msgpack (>= 0.4.3)
      optimist (>= 3.0.0)
    rbtree (0.4.6)
    redcarpet (3.6.0)
    redis (5.0.6)
      redis-client (>= 0.9.0)
    redis-client (0.14.1)
      connection_pool
    redis-namespace (1.11.0)
      redis (>= 4)
    redlock (2.0.2)
      redis-client (~> 0.14.1)
    regexp_parser (2.8.1)
    representable (3.2.0)
      declarative (< 0.1.0)
      trailblazer-option (>= 0.1.1, < 0.2.0)
      uber (< 0.2.0)
    rerun (0.14.0)
      listen (~> 3.0)
    retriable (3.1.2)
    rexml (3.2.5)
    rspec (3.12.0)
      rspec-core (~> 3.12.0)
      rspec-expectations (~> 3.12.0)
      rspec-mocks (~> 3.12.0)
    rspec-core (3.12.2)
      rspec-support (~> 3.12.0)
    rspec-expectations (3.12.3)
      diff-lcs (>= 1.2.0, < 2.0)
      rspec-support (~> 3.12.0)
    rspec-its (1.3.0)
      rspec-core (>= 3.0.0)
      rspec-expectations (>= 3.0.0)
    rspec-mocks (3.12.6)
      diff-lcs (>= 1.2.0, < 2.0)
      rspec-support (~> 3.12.0)
    rspec-support (3.12.1)
    rubocop (1.54.2)
      json (~> 2.3)
      language_server-protocol (>= 3.17.0)
      parallel (~> 1.10)
      parser (>= 3.2.2.3)
      rainbow (>= 2.2.2, < 4.0)
      regexp_parser (>= 1.8, < 3.0)
      rexml (>= 3.2.5, < 4.0)
      rubocop-ast (>= 1.28.0, < 2.0)
      ruby-progressbar (~> 1.7)
      unicode-display_width (>= 2.4.0, < 3.0)
    rubocop-ast (1.29.0)
      parser (>= 3.2.1.0)
    rubocop-capybara (2.18.0)
      rubocop (~> 1.41)
    rubocop-factory_bot (2.23.1)
      rubocop (~> 1.33)
    rubocop-performance (1.18.0)
      rubocop (>= 1.7.0, < 2.0)
      rubocop-ast (>= 0.4.0)
    rubocop-rspec (2.22.0)
      rubocop (~> 1.33)
      rubocop-capybara (~> 2.17)
      rubocop-factory_bot (~> 2.22)
    ruby-progressbar (1.13.0)
    ruby2_keywords (0.0.5)
    sentry-ruby (5.10.0)
      concurrent-ruby (~> 1.0, >= 1.0.2)
    set (1.0.3)
    sidekiq (7.1.2)
      concurrent-ruby (< 2)
      connection_pool (>= 2.3.0)
      rack (>= 2.2.4)
      redis-client (>= 0.14.0)
    signet (0.17.0)
      addressable (~> 2.8)
      faraday (>= 0.17.5, < 3.a)
      jwt (>= 1.5, < 3.0)
      multi_json (~> 1.10)
    simplecov (0.22.0)
      docile (~> 1.1)
      simplecov-html (~> 0.11)
      simplecov_json_formatter (~> 0.1)
    simplecov-console (0.9.1)
      ansi
      simplecov
      terminal-table
    simplecov-html (0.12.3)
    simplecov_json_formatter (0.1.4)
    sinatra (3.0.6)
      mustermann (~> 3.0)
      rack (~> 2.2, >= 2.2.4)
      rack-protection (= 3.0.6)
      tilt (~> 2.0)
    sinatra-contrib (3.0.6)
      multi_json
      mustermann (~> 3.0)
      rack-protection (= 3.0.6)
      sinatra (= 3.0.6)
      tilt (~> 2.0)
    sorted_set (1.0.3)
      rbtree
      set (~> 1.0)
    ssh_data (1.3.0)
    stackprof (0.2.25)
    terminal-table (3.0.2)
      unicode-display_width (>= 1.1.1, < 3)
    thread_safe (0.3.6)
    tilt (2.2.0)
    timecop (0.9.6)
    tool (0.2.3)
    trailblazer-option (0.1.2)
    typhoeus (1.4.1)
      ethon (>= 0.9.0)
    tzinfo (2.0.6)
      concurrent-ruby (~> 1.0)
    uber (0.1.0)
    unf (0.1.4)
      unf_ext
    unf_ext (0.0.8.2)
    unicode-display_width (2.4.2)
    unicorn (6.1.0)
      kgio (~> 2.6)
      raindrops (~> 0.7)
    useragent (0.16.10)
    virtus (2.0.0)
      axiom-types (~> 0.1)
      coercible (~> 1.0)
      descendants_tracker (~> 0.0, >= 0.0.3)
    webmock (3.18.1)
      addressable (>= 2.8.0)
      crack (>= 0.3.2)
      hashdiff (>= 0.4.0, < 2.0.0)
    webrick (1.8.1)
    yard (0.9.34)
    zeitwerk (2.6.8)

PLATFORMS
  arm64-darwin-22
  x86_64-linux

DEPENDENCIES
  active_model_serializers (~> 0.9.9)
  activerecord (~> 7.0.8)
  allocation_tracer
  aws-sdk-s3
  bunny (~> 2.22)
  closeio (~> 3.15)
  coder (~> 0.4.0)
  composite_primary_keys (~> 14.0)
  dalli
  database_cleaner
  dry-schema
  dry-struct
  dry-types
  ed25519
  factory_bot
  faraday (~> 2)
  faraday-net_http_persistent (~> 2)
  foreman
  gh!
  google-cloud-storage
  hashdiff
  hashr
  ipaddress (~> 0.8.3)
  knapsack
  libhoney
  librato-metrics
  marginalia!
  memory_profiler
  metriks!
  metriks-librato_metrics!
  mime-types
  mocha
  multi_json
  mustermann
  nakayoshi_fork
  opencensus
  opencensus-stackdriver
  pg (~> 1.5)
  pry
  pry-byebug
  pusher (~> 2.0.3)
  rack (~> 2.2)
  rack-attack (~> 6)
  rack-cache!
  rack-contrib
  rack-ssl (~> 1.4)
  rack-test
  rake (~> 13.0)
  rb-fsevent (~> 0.11)
  rbtrace
  redcarpet (>= 3.6)
  redis (~> 5.0)
  redis-namespace
  redlock
  rerun
  rollout!
  rspec
  rspec-its
  rubocop
  rubocop-performance
  rubocop-rspec
  sentry-ruby
  sidekiq
  simple_states!
  simplecov
  simplecov-console
  sinatra
  sinatra-contrib
  ssh_data
  stackprof
  timecop
  tool
  travis-amqp!
  travis-config!
  travis-github_apps!
  travis-lock!
  travis-rollout!
  travis-settings!
  travis-support!
  unicorn
  useragent
  webmock
  yard-sinatra!

RUBY VERSION
   ruby 3.2.2p53

BUNDLED WITH
   2.4.14
