GIT
  remote: git://github.com/eric/metriks-librato_metrics.git
  revision: 2484b81d1a3d878b2c54d4a1ac5236fe4652184b
  specs:
    metriks-librato_metrics (1.0.2)
      metriks (>= 0.9.9.6)

GIT
  remote: git://github.com/getsentry/raven-ruby.git
  revision: e87590fbdfc53a90eca1e56804c546aee99918b2
  specs:
    sentry-raven (0.12.3)
      faraday (>= 0.7.6)

GIT
  remote: git://github.com/rack/rack-contrib.git
  revision: c624e1ae4390667e355a7467632b5228716ba551
  specs:
    rack-contrib (1.2.0)
      rack (>= 0.9.1)

GIT
  remote: git://github.com/rkh/mustermann.git
  revision: 01df7fe671838d6caadac278d9704b5cd3c7b999
  specs:
    mustermann (0.4.0)
      tool (~> 0.2)

GIT
  remote: git://github.com/rkh/yard-sinatra.git
  revision: 00774d355123617ff0faa7e0ebd54c4cdcfcdf93
  specs:
    yard-sinatra (1.0.0)
      yard (~> 0.7)

GIT
  remote: git://github.com/rtomayko/rack-cache.git
  revision: d00e6e491fcc7bdca9c27d735abde5c4fdb48cd9
  specs:
    rack-cache (1.2)
      rack (>= 0.4)

GIT
  remote: git://github.com/travis-ci/s3.git
  revision: 386361c1b0ede19cde0ddaf86e41a16308575f5d
  specs:
    s3 (0.3.21)
      proxies (~> 0.2.0)

GIT
  remote: git://github.com/travis-ci/travis-core.git
  revision: 39bb6b87be8311e8815a13fc46323eead53b7778
  specs:
    travis-core (0.0.1)
      actionmailer (~> 3.2.19)
      activerecord (~> 3.2.19)
      coder (~> 0.4.0)
      data_migrations (~> 0.0.1)
      gh
      hashr (~> 0.0.19)
      metriks (~> 0.9.7)
      multi_json
      pusher (~> 0.14.0)
      railties (~> 3.2.19)
      rake
      redis (~> 3.0)
      rollout (~> 1.1.0)
      s3 (~> 0.3)
      simple_states (~> 1.0.0)
      thor (~> 0.14.6)
      travis-config (~> 0.1.0)
      virtus (~> 1.0.0)

GIT
  remote: git://github.com/travis-ci/travis-sidekiqs.git
  revision: 21a2fee158e25252dd78f5fa31e81b4f6583be23
  specs:
    travis-sidekiqs (0.0.1)
      sidekiq

GIT
  remote: git://github.com/travis-ci/travis-support.git
  revision: 4fdd220ed7b06a12951e5d74a763c05a80eb0d20
  specs:
    travis-support (0.0.1)

GIT
  remote: git://github.com/travis-ci/travis-yaml.git
  revision: 44e072dd42a69dc11a9a6cd0f57899b6b4c95d5d
  specs:
    travis-yaml (0.2.0)

PATH
  remote: .
  specs:
    travis-api (0.0.1)
      composite_primary_keys (~> 5.0)
      memcachier
      mustermann (~> 0.4)
      pg (~> 0.13.2)
      rack-contrib (~> 1.1)
      rack-ssl (~> 1.3, >= 1.3.3)
      redcarpet (~> 2.1)
      sinatra (~> 1.3)
      sinatra-contrib (~> 1.3)
      thin (~> 1.4)
      travis-core
      travis-support
      useragent

GEM
  remote: https://rubygems.org/
  specs:
    actionmailer (3.2.21)
      actionpack (= 3.2.21)
      mail (~> 2.5.4)
    actionpack (3.2.21)
      activemodel (= 3.2.21)
      activesupport (= 3.2.21)
      builder (~> 3.0.0)
      erubis (~> 2.7.0)
      journey (~> 1.0.4)
      rack (~> 1.4.5)
      rack-cache (~> 1.2)
      rack-test (~> 0.6.1)
      sprockets (~> 2.2.1)
    active_model_serializers (0.9.3)
      activemodel (>= 3.2)
    activemodel (3.2.21)
      activesupport (= 3.2.21)
      builder (~> 3.0.0)
    activerecord (3.2.21)
      activemodel (= 3.2.21)
      activesupport (= 3.2.21)
      arel (~> 3.0.2)
      tzinfo (~> 0.3.29)
    activesupport (3.2.21)
      i18n (~> 0.6, >= 0.6.4)
      multi_json (~> 1.0)
    addressable (2.3.7)
    arel (3.0.3)
    atomic (1.1.99)
    avl_tree (1.1.3)
    axiom-types (0.1.1)
      descendants_tracker (~> 0.0.4)
      ice_nine (~> 0.11.0)
      thread_safe (~> 0.3, >= 0.3.1)
    backports (3.6.4)
    builder (3.0.4)
    bunny (0.8.0)
    celluloid (0.16.0)
      timers (~> 4.0.0)
    coder (0.4.0)
    coderay (1.1.0)
    coercible (1.0.0)
      descendants_tracker (~> 0.0.1)
    composite_primary_keys (5.0.14)
      activerecord (~> 3.2.0, >= 3.2.9)
    connection_pool (2.1.2)
    daemons (1.1.9)
    dalli (2.7.2)
    data_migrations (0.0.1)
      activerecord
      rake
    database_cleaner (0.8.0)
    descendants_tracker (0.0.4)
      thread_safe (~> 0.3, >= 0.3.1)
    diff-lcs (1.2.5)
    docile (1.1.5)
    dotenv (0.7.0)
    equalizer (0.0.9)
    erubis (2.7.0)
    eventmachine (1.0.7)
    factory_girl (2.4.2)
      activesupport
    faraday (0.9.1)
      multipart-post (>= 1.2, < 3)
    ffi (1.9.6)
    foreman (0.64.0)
      dotenv (~> 0.7.0)
      thor (>= 0.13.6)
    gh (0.14.0)
      addressable
      backports
      faraday (~> 0.8)
      multi_json (~> 1.0)
      net-http-persistent (>= 2.7)
      net-http-pipeline
    hashr (0.0.22)
    hike (1.2.3)
    hitimes (1.2.2)
    httpclient (2.6.0.1)
    i18n (0.7.0)
    ice_nine (0.11.1)
    journey (1.0.4)
    json (1.8.2)
    kgio (2.9.3)
    listen (2.8.5)
      celluloid (>= 0.15.2)
      rb-fsevent (>= 0.9.3)
      rb-inotify (>= 0.9)
    mail (2.5.4)
      mime-types (~> 1.16)
      treetop (~> 1.4.8)
    memcachier (0.0.2)
    metaclass (0.0.4)
    method_source (0.8.2)
    metriks (0.9.9.6)
      atomic (~> 1.0)
      avl_tree (~> 1.1.2)
      hitimes (~> 1.1)
    micro_migrations (0.0.2)
      activerecord
      railties
    mime-types (1.25.1)
    mocha (0.14.0)
      metaclass (~> 0.0.1)
    multi_json (1.10.1)
    multipart-post (2.0.0)
    net-http-persistent (2.9.4)
    net-http-pipeline (1.0.1)
    pg (0.13.2)
    polyglot (0.3.5)
    proxies (0.2.1)
    pry (0.10.1)
      coderay (~> 1.1.0)
      method_source (~> 0.8.1)
      slop (~> 3.4)
    pusher (0.14.4)
      httpclient (~> 2.5)
      multi_json (~> 1.0)
      signature (~> 0.1.8)
    rack (1.4.5)
    rack-attack (4.2.0)
      rack
    rack-protection (1.5.3)
      rack
    rack-ssl (1.3.4)
      rack
    rack-test (0.6.3)
      rack (>= 1.0)
    railties (3.2.21)
      actionpack (= 3.2.21)
      activesupport (= 3.2.21)
      rack-ssl (~> 1.3.2)
      rake (>= 0.8.7)
      rdoc (~> 3.4)
      thor (>= 0.14.6, < 2.0)
    raindrops (0.13.0)
    rake (0.9.6)
    rb-fsevent (0.9.4)
    rb-inotify (0.9.5)
      ffi (>= 0.5.0)
    rdoc (3.12.2)
      json (~> 1.4)
    redcarpet (2.3.0)
    redis (3.2.1)
    redis-namespace (1.5.1)
      redis (~> 3.0, >= 3.0.4)
    rerun (0.10.0)
      listen (~> 2.7, >= 2.7.3)
    rollout (1.1.0)
    rspec (2.99.0)
      rspec-core (~> 2.99.0)
      rspec-expectations (~> 2.99.0)
      rspec-mocks (~> 2.99.0)
    rspec-core (2.99.2)
    rspec-expectations (2.99.2)
      diff-lcs (>= 1.1.3, < 2.0)
    rspec-mocks (2.99.3)
    sidekiq (3.3.2)
      celluloid (>= 0.16.0)
      connection_pool (>= 2.1.1)
      json
      redis (>= 3.0.6)
      redis-namespace (>= 1.3.1)
    signature (0.1.8)
    simple_states (1.0.1)
      activesupport
      hashr (~> 0.0.10)
    simplecov (0.9.2)
      docile (~> 1.1.0)
      multi_json (~> 1.0)
      simplecov-html (~> 0.9.0)
    simplecov-html (0.9.0)
    sinatra (1.4.5)
      rack (~> 1.4)
      rack-protection (~> 1.4)
      tilt (~> 1.3, >= 1.3.4)
    sinatra-contrib (1.4.2)
      backports (>= 2.0)
      multi_json
      rack-protection
      rack-test
      sinatra (~> 1.4.0)
      tilt (~> 1.3)
    skylight (0.6.0)
      activesupport (>= 3.0.0)
    slop (3.6.0)
    sprockets (2.2.3)
      hike (~> 1.2)
      multi_json (~> 1.0)
      rack (~> 1.0)
      tilt (~> 1.1, != 1.3.0)
    thin (1.6.3)
      daemons (~> 1.0, >= 1.0.9)
      eventmachine (~> 1.0)
      rack (~> 1.0)
    thor (0.14.6)
    thread_safe (0.3.4)
    tilt (1.4.1)
    timers (4.0.1)
      hitimes
    tool (0.2.3)
    travis-config (0.1.0)
      hashr (~> 0.0)
    treetop (1.4.15)
      polyglot
      polyglot (>= 0.3.1)
    tzinfo (0.3.43)
    unicorn (4.8.3)
      kgio (~> 2.6)
      rack
      raindrops (~> 0.7)
    useragent (0.11.0)
    virtus (1.0.4)
      axiom-types (~> 0.1)
      coercible (~> 1.0)
      descendants_tracker (~> 0.0, >= 0.0.3)
      equalizer (~> 0.0, >= 0.0.9)
    yard (0.8.7.6)

PLATFORMS
  ruby

DEPENDENCIES
  active_model_serializers
  bunny (~> 0.8.0)
  dalli
  database_cleaner (~> 0.8.0)
  factory_girl (~> 2.4.0)
  foreman
  gh
  metriks (= 0.9.9.6)
  metriks-librato_metrics!
  micro_migrations
  mocha (~> 0.12)
  mustermann!
  pry
  rack-attack
  rack-cache!
  rack-contrib!
  rake (~> 0.9.2)
  rb-fsevent (~> 0.9.1)
  rerun
  rspec (~> 2.13)
  s3!
  sentry-raven!
  simplecov
  sinatra
  sinatra-contrib
  skylight (~> 0.6.0.beta.1)
  travis-api!
  travis-config (~> 0.1.0)
  travis-core!
  travis-sidekiqs!
  travis-support!
  travis-yaml!
  unicorn
  yard-sinatra!
