GIT
  remote: git://github.com/travis-ci/travis-config.git
  revision: bc457b6d36119d42edf3a72e2cc13cdc770a2843
  specs:
    travis-config (1.0.12)
      hashr (~> 2.0.0)

GIT
  remote: git://github.com/travis-ci/travis-migrations.git
  revision: d50bc1b1e38f5eab1550acbe753bff75602ae778
  specs:
    travis-migrations (0.0.3)

GIT
  remote: git://github.com/travis-ci/travis-sso.git
  revision: f79920d5a14cba6099adf864b5352719b3f938c0
  specs:
    travis-sso (0.0.1)
      multi_json
      rack
      rotp
      yubikey

GIT
  remote: git://github.com/travis-ci/travis-support.git
  revision: 2cd02d2a06fdd1e2fc2f129148c168b56f7c190f
  specs:
    travis-support (0.0.1)

GIT
  remote: git://github.com/travis-ci/travis-topaz-gem.git
  revision: 0bd248089607583cc4dfe82cb4b84fd3fe1a84bd
  specs:
    travis-topaz (0.0.2)
      
      faraday
      thread

GEM
  remote: https://rubygems.org/
  specs:
    actioncable (5.0.0.1)
      actionpack (= 5.0.0.1)
      nio4r (~> 1.2)
      websocket-driver (~> 0.6.1)
    actionmailer (5.0.0.1)
      actionpack (= 5.0.0.1)
      actionview (= 5.0.0.1)
      activejob (= 5.0.0.1)
      mail (~> 2.5, >= 2.5.4)
      rails-dom-testing (~> 2.0)
    actionpack (5.0.0.1)
      actionview (= 5.0.0.1)
      activesupport (= 5.0.0.1)
      rack (~> 2.0)
      rack-test (~> 0.6.3)
      rails-dom-testing (~> 2.0)
      rails-html-sanitizer (~> 1.0, >= 1.0.2)
    actionview (5.0.0.1)
      activesupport (= 5.0.0.1)
      builder (~> 3.1)
      erubis (~> 2.7.0)
      rails-dom-testing (~> 2.0)
      rails-html-sanitizer (~> 1.0, >= 1.0.2)
    activejob (5.0.0.1)
      activesupport (= 5.0.0.1)
      globalid (>= 0.3.6)
    activemodel (5.0.0.1)
      activesupport (= 5.0.0.1)
    activerecord (5.0.0.1)
      activemodel (= 5.0.0.1)
      activesupport (= 5.0.0.1)
      arel (~> 7.0)
    activesupport (5.0.0.1)
      concurrent-ruby (~> 1.0, >= 1.0.2)
      i18n (~> 0.7)
      minitest (~> 5.1)
      tzinfo (~> 1.1)
    addressable (2.4.0)
    arel (7.1.2)
    atomic (1.1.99)
    avl_tree (1.2.1)
      atomic (~> 1.1)
    biggs (0.3.3)
      activerecord (>= 3.0)
    builder (3.2.2)
    capybara (2.7.1)
      addressable
      mime-types (>= 1.16)
      nokogiri (>= 1.3.3)
      rack (>= 1.0.0)
      rack-test (>= 0.5.4)
      xpath (~> 2.0)
    chart-js-rails (0.1.0)
      railties (> 3.1)
    cliver (0.3.2)
    coderay (1.1.1)
    coffee-rails (4.2.1)
      coffee-script (>= 2.2.0)
      railties (>= 4.0.0, < 5.2.x)
    coffee-script (2.4.1)
      coffee-script-source
      execjs
    coffee-script-source (1.10.0)
    concurrent-ruby (1.0.2)
    connection_pool (2.2.0)
    crack (0.4.3)
      safe_yaml (~> 1.0.0)
    database_cleaner (1.5.3)
    date_validator (0.9.0)
      activemodel
      activesupport
    debug_inspector (0.0.2)
    diff-lcs (1.2.5)
    elasticsearch (2.0.0)
      elasticsearch-api (= 2.0.0)
      elasticsearch-transport (= 2.0.0)
    elasticsearch-api (2.0.0)
      multi_json
    elasticsearch-model (0.1.9)
      activesupport (> 3)
      elasticsearch (> 0.4)
      hashie
    elasticsearch-rails (0.1.9)
    elasticsearch-transport (2.0.0)
      faraday
      multi_json
    erubis (2.7.0)
    execjs (2.7.0)
    factory_girl (4.7.0)
      activesupport (>= 3.0.0)
    factory_girl_rails (4.7.0)
      factory_girl (~> 4.7.0)
      railties (>= 3.0.0)
    faraday (0.9.2)
      multipart-post (>= 1.2, < 3)
    font-awesome-rails (4.6.3.1)
      railties (>= 3.2, < 5.1)
    foreman (0.82.0)
      thor (~> 0.19.1)
    globalid (0.3.7)
      activesupport (>= 4.1.0)
    hashdiff (0.3.0)
    hashie (3.4.4)
    hashr (2.0.0)
    hitimes (1.2.4)
    i18n (0.7.0)
    jquery-rails (4.2.1)
      rails-dom-testing (>= 1, < 3)
      railties (>= 4.2.0)
      thor (>= 0.14, < 2.0)
    jquery-ui-rails (5.0.5)
      railties (>= 3.2.16)
    launchy (2.4.3)
      addressable (~> 2.3)
    loofah (2.0.3)
      nokogiri (>= 1.5.9)
    mail (2.6.4)
      mime-types (>= 1.16, < 4)
    method_source (0.8.2)
    metriks (0.9.9.7)
      atomic (~> 1.0)
      avl_tree (~> 1.2.0)
      hitimes (~> 1.1)
    mime-types (3.1)
      mime-types-data (~> 3.2015)
    mime-types-data (3.2016.0521)
    mini_portile2 (2.1.0)
    minitest (5.9.1)
    multi_json (1.12.1)
    multipart-post (2.0.0)
    nio4r (1.2.1)
    nokogiri (1.6.8)
      mini_portile2 (~> 2.1.0)
      pkg-config (~> 1.1.7)
    pg (0.19.0)
    pkg-config (1.1.7)
    poltergeist (1.10.0)
      capybara (~> 2.1)
      cliver (~> 0.3.1)
      websocket-driver (>= 0.2.0)
    pry (0.10.4)
      coderay (~> 1.1.0)
      method_source (~> 0.8.1)
      slop (~> 3.4)
    pry-rails (0.3.4)
      pry (>= 0.9.10)
    puma (3.6.0)
    rack (2.0.1)
    rack-protection (1.5.3)
      rack
    rack-test (0.6.3)
      rack (>= 1.0)
    rails (5.0.0.1)
      actioncable (= 5.0.0.1)
      actionmailer (= 5.0.0.1)
      actionpack (= 5.0.0.1)
      actionview (= 5.0.0.1)
      activejob (= 5.0.0.1)
      activemodel (= 5.0.0.1)
      activerecord (= 5.0.0.1)
      activesupport (= 5.0.0.1)
      bundler (>= 1.3.0, < 2.0)
      railties (= 5.0.0.1)
      sprockets-rails (>= 2.0.0)
    rails-dom-testing (2.0.1)
      activesupport (>= 4.2.0, < 6.0)
      nokogiri (~> 1.6.0)
    rails-html-sanitizer (1.0.3)
      loofah (~> 2.0)
    railties (5.0.0.1)
      actionpack (= 5.0.0.1)
      activesupport (= 5.0.0.1)
      method_source
      rake (>= 0.8.7)
      thor (>= 0.18.1, < 2.0)
    rake (11.3.0)
    redis (3.3.1)
    redis-namespace (1.5.2)
      redis (~> 3.0, >= 3.0.4)
    rollout (2.3.0)
    rotp (3.3.0)
    rspec-core (3.5.3)
      rspec-support (~> 3.5.0)
    rspec-expectations (3.5.0)
      diff-lcs (>= 1.2.0, < 2.0)
      rspec-support (~> 3.5.0)
    rspec-mocks (3.5.0)
      diff-lcs (>= 1.2.0, < 2.0)
      rspec-support (~> 3.5.0)
    rspec-rails (3.5.2)
      actionpack (>= 3.0)
      activesupport (>= 3.0)
      railties (>= 3.0)
      rspec-core (~> 3.5.0)
      rspec-expectations (~> 3.5.0)
      rspec-mocks (~> 3.5.0)
      rspec-support (~> 3.5.0)
    rspec-support (3.5.0)
    safe_yaml (1.0.4)
    sass (3.4.22)
    sass-rails (5.0.6)
      railties (>= 4.0.0, < 6)
      sass (~> 3.1)
      sprockets (>= 2.8, < 4.0)
      sprockets-rails (>= 2.0, < 4.0)
      tilt (>= 1.1, < 3)
    sidekiq (4.2.1)
      concurrent-ruby (~> 1.0)
      connection_pool (~> 2.2, >= 2.2.0)
      rack-protection (~> 1.5)
      redis (~> 3.2, >= 3.2.1)
    slop (3.6.0)
    sprockets (3.7.0)
      concurrent-ruby (~> 1.0)
      rack (> 1, < 3)
    sprockets-rails (3.2.0)
      actionpack (>= 4.0)
      activesupport (>= 4.0)
      sprockets (>= 3.0.0)
    thor (0.19.1)
    thread (0.2.2)
    thread_safe (0.3.5)
    tilt (2.0.5)
    tzinfo (1.2.2)
      thread_safe (~> 0.1)
    uglifier (3.0.2)
      execjs (>= 0.3.0, < 3)
    web-console (3.3.1)
      actionview (>= 5.0)
      activemodel (>= 5.0)
      debug_inspector
      railties (>= 5.0)
    webmock (2.1.0)
      addressable (>= 2.3.6)
      crack (>= 0.3.2)
      hashdiff
    websocket-driver (0.6.4)
      websocket-extensions (>= 0.1.0)
    websocket-extensions (0.1.2)
    xpath (2.0.0)
      nokogiri (~> 1.3)
    yubikey (1.4.1)

PLATFORMS
  ruby

DEPENDENCIES
  biggs
  capybara (~> 2.7.0)
  chart-js-rails
  coffee-rails (~> 4.2)
  database_cleaner
  date_validator
  elasticsearch-model
  elasticsearch-rails
  factory_girl_rails (~> 4.0)
  faraday (~> 0.9.0)
  font-awesome-rails
  foreman
  jquery-rails
  jquery-ui-rails
  launchy
  metriks
  pg
  poltergeist
  pry
  pry-rails
  puma (~> 3.0)
  rails (~> 5.0.0, >= 5.0.0.1)
  rake
  redis (~> 3.0)
  redis-namespace
  rollout
  rspec-rails (~> 3.4)
  sass-rails (~> 5.0)
  sidekiq
  travis-config!
  travis-migrations!
  travis-sso!
  travis-support!
  travis-topaz!
  uglifier (>= 1.3.0)
  web-console (~> 3.3)
  webmock (~> 2.1.0)

BUNDLED WITH
   1.12.5
