GIT
  remote: https://github.com/eric/metriks-librato_metrics
  revision: 3acb88b36c014a8b93bdd91a867c1b3db781ad4e
  specs:
    metriks-librato_metrics (1.0.6)
      metriks (>= 0.9.9.6)

GIT
  remote: https://github.com/rkh/yard-sinatra
  revision: 00774d355123617ff0faa7e0ebd54c4cdcfcdf93
  specs:
    yard-sinatra (1.0.0)
      yard (~> 0.7)

GIT
  remote: https://github.com/rtomayko/rack-cache
  revision: 2d6618172c39c53dceab2e2946d87496154f3e52
  specs:
    rack-cache (1.6.1)
      rack (>= 0.4)

GIT
  remote: https://github.com/travis-ci/gh
  revision: 38fb339510ff9ae67cb08c6df7698f4c393f5a44
  specs:
    gh (0.15.1)
      addressable (~> 2.4)
      backports
      faraday (~> 0.8)
      multi_json (~> 1.0)
      net-http-persistent (~> 2.9)
      net-http-pipeline

GIT
  remote: https://github.com/travis-ci/marginalia
  revision: 46bbe301640efb5ea81828cb7deeaf874516de78
  specs:
    marginalia (1.5.0)
      pg (~> 0.21)

GIT
  remote: https://github.com/travis-ci/s3
  revision: 386361c1b0ede19cde0ddaf86e41a16308575f5d
  specs:
    s3 (0.3.21)
      proxies (~> 0.2.0)

GIT
  remote: https://github.com/travis-ci/travis-amqp
  revision: 3966b3651adfd1c544f53d49d5986ac16cd9c4bc
  specs:
    travis-amqp (0.0.1)

GIT
  remote: https://github.com/travis-ci/travis-config
  revision: 6a1e8cf3059dfbc4c05c761f662085297dab8f33
  branch: fix-docker-redis-url
  specs:
    travis-config (1.0.13)
      hashr (~> 2.0.0)

GIT
  remote: https://github.com/travis-ci/travis-github_apps
  revision: fb865ee510534006f15553f4ef3746c2610a4668
  specs:
    travis-github_apps (0.2.0)
      activesupport (>= 3.2)
      faraday
      faraday_middleware
      jwt
      redis

GIT
  remote: https://github.com/travis-ci/travis-lock
  revision: b418401c79e082aa53a62364f7b01a9be6f0d768
  specs:
    travis-lock (0.1.1)

GIT
  remote: https://github.com/travis-ci/travis-settings
  revision: debef595a6a54b082176edba630fdb5ee9d705af
  specs:
    travis-settings (0.0.1)
      activemodel
      virtus

GIT
  remote: https://github.com/travis-ci/travis-support
  revision: 4dda53ffa96b804db22c261551256caa18c4a2cc
  specs:
    travis-support (0.0.1)

GEM
  remote: https://rubygems.org/
  specs:
    active_model_serializers (0.9.5)
      activemodel (>= 3.2)
    activemodel (4.2.11.1)
      activesupport (= 4.2.11.1)
      builder (~> 3.1)
    activerecord (4.2.11.1)
      activemodel (= 4.2.11.1)
      activesupport (= 4.2.11.1)
      arel (~> 6.0)
    activesupport (4.2.11.1)
      i18n (~> 0.7)
      minitest (~> 5.1)
      thread_safe (~> 0.3, >= 0.3.4)
      tzinfo (~> 1.1)
    addressable (2.7.0)
      public_suffix (>= 2.0.2, < 5.0)
    aggregate (0.2.2)
    allocation_tracer (0.6.3)
    amq-protocol (2.3.0)
    arel (6.0.4)
    atomic (1.1.99)
    avl_tree (1.1.3)
    axiom-types (0.1.1)
      descendants_tracker (~> 0.0.4)
      ice_nine (~> 0.11.0)
      thread_safe (~> 0.3, >= 0.3.1)
    backports (3.8.0)
    builder (3.2.4)
    bunny (2.9.2)
      amq-protocol (~> 2.3.0)
    byebug (10.0.2)
    closeio (3.5.1)
      faraday
      faraday_middleware
      json
    coder (0.4.0)
    coderay (1.1.1)
    coercible (1.0.0)
      descendants_tracker (~> 0.0.1)
    composite_primary_keys (8.1.8)
      activerecord (~> 4.2.0)
    concurrent-ruby (1.1.6)
    connection_pool (2.2.1)
    crack (0.4.3)
      safe_yaml (~> 1.0.0)
    dalli (2.7.6)
    database_cleaner (1.8.2)
    descendants_tracker (0.0.4)
      thread_safe (~> 0.3, >= 0.3.1)
    diff-lcs (1.3)
    docile (1.1.5)
    domain_name (0.5.20170404)
      unf (>= 0.0.5, < 1.0.0)
    equalizer (0.0.11)
    excon (0.72.0)
    factory_bot (5.1.1)
      activesupport (>= 4.2.0)
    faraday (0.17.3)
      multipart-post (>= 1.2, < 3)
    faraday_middleware (0.12.2)
      faraday (>= 0.7.4, < 1.0)
    ffi (1.9.25)
    fog-aws (0.12.0)
      fog-core (~> 1.38)
      fog-json (~> 1.0)
      fog-xml (~> 0.1)
      ipaddress (~> 0.8)
    fog-core (1.45.0)
      builder
      excon (~> 0.58)
      formatador (~> 0.2)
    fog-google (0.4.2)
      fog-core
      fog-json
      fog-xml
    fog-json (1.0.2)
      fog-core (~> 1.0)
      multi_json (~> 1.10)
    fog-xml (0.1.3)
      fog-core
      nokogiri (>= 1.5.11, < 2.0.0)
    foreman (0.82.0)
      thor (~> 0.19.1)
    formatador (0.2.5)
    git-version-bump (0.15.1)
    google-api-client (0.9.28)
      addressable (~> 2.3)
      googleauth (~> 0.5)
      httpclient (~> 2.7)
      hurley (~> 0.1)
      memoist (~> 0.11)
      mime-types (>= 1.6)
      representable (~> 2.3.0)
      retriable (~> 2.0)
    google-cloud-core (1.2.7)
      google-cloud-env (~> 1.0)
    google-cloud-env (1.0.5)
      faraday (~> 0.11)
    google-cloud-trace (0.33.5)
      google-cloud-core (~> 1.2)
      google-gax (~> 1.3)
      stackdriver-core (~> 1.3)
    google-gax (1.3.0)
      google-protobuf (~> 3.2)
      googleapis-common-protos (>= 1.3.5, < 2.0)
      googleauth (~> 0.6.2)
      grpc (>= 1.7.2, < 2.0)
      rly (~> 0.2.3)
    google-protobuf (3.11.2)
    googleapis-common-protos (1.3.7)
      google-protobuf (~> 3.0)
      googleapis-common-protos-types (~> 1.0)
      grpc (~> 1.0)
    googleapis-common-protos-types (1.0.4)
      google-protobuf (~> 3.0)
    googleauth (0.6.6)
      faraday (~> 0.12)
      jwt (>= 1.4, < 3.0)
      memoist (~> 0.12)
      multi_json (~> 1.11)
      os (>= 0.9, < 2.0)
      signet (~> 0.7)
    grpc (1.26.0)
      google-protobuf (~> 3.8)
      googleapis-common-protos-types (~> 1.0)
    hashdiff (1.0.0)
    hashr (2.0.0)
    hitimes (1.2.4)
    http (2.2.2)
      addressable (~> 2.3)
      http-cookie (~> 1.0)
      http-form_data (~> 1.0.1)
      http_parser.rb (~> 0.6.0)
    http-cookie (1.0.3)
      domain_name (~> 0.5)
    http-form_data (1.0.3)
    http_parser.rb (0.6.0)
    httpclient (2.8.3)
    hurley (0.2)
    i18n (0.9.5)
      concurrent-ruby (~> 1.0)
    ice_nine (0.11.2)
    ipaddress (0.8.3)
    json (2.1.0)
    jwt (2.1.0)
    kgio (2.11.3)
    knapsack (1.14.0)
      rake
    libhoney (1.3.2)
      http (~> 2.0)
    librato-metrics (2.1.2)
      aggregate (~> 0.2.2)
      faraday
    listen (3.1.5)
      rb-fsevent (~> 0.9, >= 0.9.4)
      rb-inotify (~> 0.9, >= 0.9.7)
      ruby_dep (~> 1.2)
    memcachier (0.0.2)
    memoist (0.16.0)
    memory_profiler (0.9.10)
    method_source (0.8.2)
    metriks (0.9.9.6)
      atomic (~> 1.0)
      avl_tree (~> 1.1.2)
      hitimes (~> 1.1)
    mime-types (3.1)
      mime-types-data (~> 3.2015)
    mime-types-data (3.2016.0521)
    mini_portile2 (2.4.0)
    minitest (5.14.0)
    mocha (1.11.2)
    msgpack (1.2.4)
    multi_json (1.13.1)
    multipart-post (2.1.1)
    mustermann (1.0.0.beta2)
    nakayoshi_fork (0.0.3)
    net-http-persistent (2.9.4)
    net-http-pipeline (1.0.1)
    nokogiri (1.10.8)
      mini_portile2 (~> 2.4.0)
    opencensus (0.3.1)
    opencensus-stackdriver (0.1.2)
      concurrent-ruby (~> 1.0)
      google-cloud-trace (~> 0.31)
      opencensus (~> 0.3)
    os (1.0.0)
    pg (0.21.0)
    proxies (0.2.1)
    pry (0.10.4)
      coderay (~> 1.1.0)
      method_source (~> 0.8.1)
      slop (~> 3.4)
    pry-byebug (3.6.0)
      byebug (~> 10.0)
      pry (~> 0.10)
    public_suffix (4.0.3)
    pusher (0.14.6)
      httpclient (~> 2.5)
      multi_json (~> 1.0)
      pusher-signature (~> 0.1.8)
    pusher-signature (0.1.8)
    rack (1.6.12)
    rack-attack (5.4.2)
      rack (>= 1.0, < 3)
    rack-contrib (1.4.0)
      git-version-bump (~> 0.15)
      rack (~> 1.4)
    rack-protection (1.5.5)
      rack
    rack-ssl (1.4.1)
      rack
    rack-test (0.6.3)
      rack (>= 1.0)
    raindrops (0.19.1)
    rake (12.3.3)
    rb-fsevent (0.9.8)
    rb-inotify (0.9.7)
      ffi (>= 0.5.0)
    rbtrace (0.4.10)
      ffi (>= 1.0.6)
      msgpack (>= 0.4.3)
      trollop (>= 1.16.2)
    redcarpet (3.4.0)
    redis (3.3.5)
    redis-namespace (1.5.2)
      redis (~> 3.0, >= 3.0.4)
    redlock (0.1.8)
      redis (~> 3, >= 3.0.0)
    representable (2.3.0)
      uber (~> 0.0.7)
    rerun (0.11.0)
      listen (~> 3.0)
    retriable (2.1.0)
    rly (0.2.3)
    rollout (1.1.0)
    rspec (3.9.0)
      rspec-core (~> 3.9.0)
      rspec-expectations (~> 3.9.0)
      rspec-mocks (~> 3.9.0)
    rspec-core (3.9.1)
      rspec-support (~> 3.9.1)
    rspec-expectations (3.9.0)
      diff-lcs (>= 1.2.0, < 2.0)
      rspec-support (~> 3.9.0)
    rspec-its (1.3.0)
      rspec-core (>= 3.0.0)
      rspec-expectations (>= 3.0.0)
    rspec-mocks (3.9.1)
      diff-lcs (>= 1.2.0, < 2.0)
      rspec-support (~> 3.9.0)
    rspec-support (3.9.2)
    ruby_dep (1.5.0)
    safe_yaml (1.0.5)
    sentry-raven (2.11.3)
      faraday (>= 0.7.6, < 1.0)
    sidekiq (4.2.6)
      concurrent-ruby (~> 1.0)
      connection_pool (~> 2.2, >= 2.2.0)
      rack-protection (>= 1.5.0)
      redis (~> 3.2, >= 3.2.1)
    signet (0.9.2)
      addressable (~> 2.3)
      faraday (~> 0.9)
      jwt (>= 1.5, < 3.0)
      multi_json (~> 1.10)
    simple_states (1.0.2)
      activesupport
    simplecov (0.15.1)
      docile (~> 1.1.0)
      json (>= 1.8, < 3)
      simplecov-html (~> 0.10.0)
    simplecov-html (0.10.2)
    sinatra (1.4.8)
      rack (~> 1.5)
      rack-protection (~> 1.4)
      tilt (>= 1.3, < 3)
    sinatra-contrib (1.4.7)
      backports (>= 2.0)
      multi_json
      rack-protection
      rack-test
      sinatra (~> 1.4.0)
      tilt (>= 1.3, < 3)
    slop (3.6.0)
    stackdriver-core (1.3.3)
      google-cloud-core (~> 1.2)
    stackprof (0.2.10)
    thor (0.19.1)
    thread_safe (0.3.6)
    tilt (2.0.8)
    timecop (0.9.1)
    tool (0.2.3)
    travis-rollout (0.0.2)
    trollop (2.1.2)
    tzinfo (1.2.6)
      thread_safe (~> 0.1)
    uber (0.0.15)
    unf (0.1.4)
      unf_ext
    unf_ext (0.0.7.4)
    unicorn (5.5.3)
      kgio (~> 2.6)
      raindrops (~> 0.7)
    useragent (0.16.8)
    virtus (1.0.5)
      axiom-types (~> 0.1)
      coercible (~> 1.0)
      descendants_tracker (~> 0.0, >= 0.0.3)
      equalizer (~> 0.0, >= 0.0.9)
    webmock (3.8.2)
      addressable (>= 2.3.6)
      crack (>= 0.3.2)
      hashdiff (>= 0.4.0, < 2.0.0)
    yard (0.9.20)

PLATFORMS
  ruby

DEPENDENCIES
  active_model_serializers
  activerecord (~> 4.2)
  allocation_tracer
  bunny (~> 2.9.2)
  closeio (~> 3.5)
  coder (~> 0.4.0)
  composite_primary_keys (~> 8.0)
  dalli
  database_cleaner
  factory_bot
  faraday
  faraday_middleware
  fog-aws (~> 0.12.0)
  fog-google (~> 0.4.2)
  foreman
  gh!
  google-api-client (~> 0.9.4)
  hashdiff
  hashr
  ipaddress (~> 0.8.3)
  knapsack
  libhoney
  librato-metrics
  marginalia!
  memcachier
  memory_profiler
  metriks (= 0.9.9.6)
  metriks-librato_metrics!
  mime-types
  mocha
  multi_json
  mustermann
  nakayoshi_fork
  opencensus
  opencensus-stackdriver
  pg (~> 0.21)
  pry
  pry-byebug
  pusher (~> 0.14.0)
  rack-attack (~> 5.0)
  rack-cache!
  rack-contrib
  rack-ssl (~> 1.3, >= 1.3.3)
  rake (~> 12.3.3)
  rb-fsevent (~> 0.9.1)
  rbtrace
  redcarpet (>= 3.2.3)
  redis (~> 3.0)
  redis-namespace
  redlock
  rerun
  rollout (~> 1.1.0)
  rspec
  rspec-its
  s3!
  sentry-raven
  sidekiq
  simple_states (= 1.0.2)
  simplecov
  sinatra
  sinatra-contrib
  stackprof
  timecop
  tool
  travis-amqp!
  travis-config!
  travis-github_apps!
  travis-lock!
  travis-rollout (~> 0.0.2)
  travis-settings!
  travis-support!
  unicorn
  useragent
  virtus (~> 1.0.0)
  webmock
  yard-sinatra!

RUBY VERSION
   ruby 2.6.5p114

BUNDLED WITH
   2.1.4
