GIT
  remote: https://github.com/eric/metriks-librato_metrics
  revision: 3acb88b36c014a8b93bdd91a867c1b3db781ad4e
  specs:
    metriks-librato_metrics (1.0.6)
      metriks (>= 0.9.9.6)

GIT
  remote: https://github.com/rkh/yard-sinatra
  revision: b0d84033056dabdba08e7eee9438a3796d0d087d
  specs:
    yard-sinatra (1.0.0)
      yard (~> 0.7)

GIT
  remote: https://github.com/rtomayko/rack-cache
  revision: 97819fb7cac8e80b5f2357400852cef49f088468
  specs:
    rack-cache (1.12.0)
      rack (>= 0.4)

GIT
  remote: https://github.com/travis-ci/gh
  revision: 2c8d07fb206177fd9a883094b84b824f69ad59a0
  tag: v0.15.1
  specs:
    gh (0.15.1)
      addressable (~> 2.4.0)
      backports
      faraday (~> 0.8)
      multi_json (~> 1.0)
      net-http-persistent (~> 2.9)
      net-http-pipeline

GIT
  remote: https://github.com/travis-ci/marginalia
  revision: 46bbe301640efb5ea81828cb7deeaf874516de78
  specs:
    marginalia (1.5.0)
      pg (~> 0.21)

GIT
  remote: https://github.com/travis-ci/s3
  revision: 386361c1b0ede19cde0ddaf86e41a16308575f5d
  specs:
    s3 (0.3.21)
      proxies (~> 0.2.0)

GIT
  remote: https://github.com/travis-ci/travis-amqp
  revision: 3966b3651adfd1c544f53d49d5986ac16cd9c4bc
  specs:
    travis-amqp (0.0.1)

GIT
  remote: https://github.com/travis-ci/travis-config
  revision: 0c5b76989c5da2b842e8ef02eb3082df09abe6c2
  specs:
    travis-config (1.1.2)
      hashr (~> 2.0)

GIT
  remote: https://github.com/travis-ci/travis-lock
  revision: faf5eef9f607505921d821e6cdf829583d630063
  specs:
    travis-lock (0.1.1)

GIT
  remote: https://github.com/travis-ci/travis-rollout
  revision: c79c6d0c76da98ed50b9a3edb30399d7aba8a7e2
  specs:
    travis-rollout (0.0.1)

GIT
  remote: https://github.com/travis-ci/travis-settings
  revision: debef595a6a54b082176edba630fdb5ee9d705af
  specs:
    travis-settings (0.0.1)
      activemodel
      virtus

GIT
  remote: https://github.com/travis-ci/travis-sidekiqs
  revision: 08c45a5aca8dca99f4b635cd4163c5f65aef99fa
  specs:
    travis-sidekiqs (0.0.1)
      redis-namespace
      sidekiq

GIT
  remote: https://github.com/travis-ci/travis-support
  revision: 1000e6d47a40483191a00ab016d7f137745a859e
  ref: 1000e6d
  specs:
    travis-support (0.0.1)

GIT
  remote: https://github.com/travis-ci/travis-yaml
  revision: da2c9860299fa63769ac1ee120abeb9e83615555
  specs:
    travis-yaml (0.2.0)

GEM
  remote: https://rubygems.org/
  specs:
    active_model_serializers (0.9.5)
      activemodel (>= 3.2)
    activemodel (4.2.11.3)
      activesupport (= 4.2.11.3)
      builder (~> 3.1)
    activerecord (4.2.11.3)
      activemodel (= 4.2.11.3)
      activesupport (= 4.2.11.3)
      arel (~> 6.0)
    activesupport (4.2.11.3)
      i18n (~> 0.7)
      minitest (~> 5.1)
      thread_safe (~> 0.3, >= 0.3.4)
      tzinfo (~> 1.1)
    addressable (2.4.0)
    amq-protocol (2.3.1)
    appsignal (2.10.9)
      rack
    arel (6.0.4)
    atomic (1.1.101)
    avl_tree (1.1.3)
    axiom-types (0.1.1)
      descendants_tracker (~> 0.0.4)
      ice_nine (~> 0.11.0)
      thread_safe (~> 0.3, >= 0.3.1)
    backports (3.18.0)
    builder (3.2.4)
    bunny (2.9.2)
      amq-protocol (~> 2.3.0)
    coderay (1.1.3)
    coercible (1.0.0)
      descendants_tracker (~> 0.0.1)
    composite_primary_keys (8.1.8)
      activerecord (~> 4.2.0)
    concurrent-ruby (1.1.6)
    connection_pool (2.2.3)
    crack (0.4.3)
      safe_yaml (~> 1.0.0)
    customerio (2.2.1)
      multi_json (~> 1.0)
    dalli (2.7.10)
    database_cleaner (1.2.0)
    descendants_tracker (0.0.4)
      thread_safe (~> 0.3, >= 0.3.1)
    diff-lcs (1.3)
    docile (1.3.2)
    domain_name (0.5.20190701)
      unf (>= 0.0.5, < 1.0.0)
    equalizer (0.0.11)
    excon (0.75.0)
    factory_girl (2.4.2)
      activesupport
    faraday (0.17.3)
      multipart-post (>= 1.2, < 3)
    faraday_middleware (0.14.0)
      faraday (>= 0.7.4, < 1.0)
    ffi (1.13.1)
    ffi-compiler (1.0.1)
      ffi (>= 1.0.0)
      rake
    fog-aws (0.12.0)
      fog-core (~> 1.38)
      fog-json (~> 1.0)
      fog-xml (~> 0.1)
      ipaddress (~> 0.8)
    fog-core (1.45.0)
      builder
      excon (~> 0.58)
      formatador (~> 0.2)
    fog-google (0.4.2)
      fog-core
      fog-json
      fog-xml
    fog-json (1.2.0)
      fog-core
      multi_json (~> 1.10)
    fog-xml (0.1.3)
      fog-core
      nokogiri (>= 1.5.11, < 2.0.0)
    foreman (0.87.1)
    formatador (0.2.5)
    google-api-client (0.9.28)
      addressable (~> 2.3)
      googleauth (~> 0.5)
      httpclient (~> 2.7)
      hurley (~> 0.1)
      memoist (~> 0.11)
      mime-types (>= 1.6)
      representable (~> 2.3.0)
      retriable (~> 2.0)
    googleauth (0.13.0)
      faraday (>= 0.17.3, < 2.0)
      jwt (>= 1.4, < 3.0)
      memoist (~> 0.16)
      multi_json (~> 1.11)
      os (>= 0.9, < 2.0)
      signet (~> 0.14)
    hashdiff (1.0.1)
    hashr (2.0.1)
    hitimes (1.3.1)
    http (4.4.1)
      addressable (~> 2.3)
      http-cookie (~> 1.0)
      http-form_data (~> 2.2)
      http-parser (~> 1.2.0)
    http-cookie (1.0.3)
      domain_name (~> 0.5)
    http-form_data (2.3.0)
    http-parser (1.2.1)
      ffi-compiler (>= 1.0, < 2.0)
    httpclient (2.8.3)
    hurley (0.2)
    i18n (0.9.5)
      concurrent-ruby (~> 1.0)
    ice_nine (0.11.2)
    ipaddress (0.8.3)
    jemalloc (1.0.1)
    jwt (2.2.1)
    kgio (2.11.3)
    knapsack (1.18.0)
      rake
    libhoney (1.14.4)
      addressable (~> 2.0)
      http (>= 2.0, < 5.0)
    listen (3.1.5)
      rb-fsevent (~> 0.9, >= 0.9.4)
      rb-inotify (~> 0.9, >= 0.9.7)
      ruby_dep (~> 1.2)
    memcachier (0.0.2)
    memoist (0.16.2)
    method_source (0.8.2)
    metriks (0.9.9.6)
      atomic (~> 1.0)
      avl_tree (~> 1.1.2)
      hitimes (~> 1.1)
    mime-types (3.3.1)
      mime-types-data (~> 3.2015)
    mime-types-data (3.2020.0512)
    mini_portile2 (2.4.0)
    minitest (5.14.1)
    mocha (1.11.2)
    multi_json (1.14.1)
    multipart-post (2.1.1)
    mustermann (1.1.1)
      ruby2_keywords (~> 0.0.1)
    nakayoshi_fork (0.0.4)
    net-http-persistent (2.9.4)
    net-http-pipeline (1.0.1)
    netaddr (1.5.1)
    nokogiri (1.10.9)
      mini_portile2 (~> 2.4.0)
    os (1.1.0)
    pg (0.21.0)
    proxies (0.2.3)
    pry (0.10.4)
      coderay (~> 1.1.0)
      method_source (~> 0.8.1)
      slop (~> 3.4)
    pusher (0.14.6)
      httpclient (~> 2.5)
      multi_json (~> 1.0)
      pusher-signature (~> 0.1.8)
    pusher-signature (0.1.8)
    rack (1.6.13)
    rack-attack (5.4.2)
      rack (>= 1.0, < 3)
    rack-contrib (1.8.0)
      rack (~> 1.4)
    rack-protection (1.5.5)
      rack
    rack-ssl (1.4.1)
      rack
    rack-test (1.1.0)
      rack (>= 1.0, < 3)
    raindrops (0.19.1)
    rake (0.9.6)
    rb-fsevent (0.9.8)
    rb-inotify (0.10.1)
      ffi (~> 1.0)
    redis (3.3.5)
    redis-namespace (1.7.0)
      redis (>= 3.0.4)
    redlock (1.2.0)
      redis (>= 3.0.0, < 5.0)
    representable (2.3.0)
      uber (~> 0.0.7)
    rerun (0.13.0)
      listen (~> 3.0)
    retriable (2.1.0)
    rollout (1.1.0)
    rspec (2.99.0)
      rspec-core (~> 2.99.0)
      rspec-expectations (~> 2.99.0)
      rspec-mocks (~> 2.99.0)
    rspec-core (2.99.2)
    rspec-expectations (2.99.2)
      diff-lcs (>= 1.1.3, < 2.0)
    rspec-its (1.0.1)
      rspec-core (>= 2.99.0.beta1)
      rspec-expectations (>= 2.99.0.beta1)
    rspec-mocks (2.99.4)
    ruby2_keywords (0.0.2)
    ruby_dep (1.5.0)
    safe_yaml (1.0.5)
    sentry-raven (2.11.3)
      faraday (>= 0.7.6, < 1.0)
    sidekiq (5.2.8)
      connection_pool (~> 2.2, >= 2.2.2)
      rack (< 2.1.0)
      rack-protection (>= 1.5.0)
      redis (>= 3.3.5, < 5)
    signet (0.14.0)
      addressable (~> 2.3)
      faraday (>= 0.17.3, < 2.0)
      jwt (>= 1.5, < 3.0)
      multi_json (~> 1.10)
    simple_states (1.0.2)
      activesupport
    simplecov (0.18.5)
      docile (~> 1.1)
      simplecov-html (~> 0.11)
    simplecov-html (0.12.2)
    sinatra (1.4.8)
      rack (~> 1.5)
      rack-protection (~> 1.4)
      tilt (>= 1.3, < 3)
    sinatra-contrib (1.4.7)
      backports (>= 2.0)
      multi_json
      rack-protection
      rack-test
      sinatra (~> 1.4.0)
      tilt (>= 1.3, < 3)
    slop (3.6.0)
    stackprof (0.2.15)
    thread_safe (0.3.6)
    tilt (2.0.10)
    timecop (0.8.1)
    tool (0.2.3)
    tzinfo (1.2.7)
      thread_safe (~> 0.1)
    uber (0.0.15)
    unf (0.1.4)
      unf_ext
    unf_ext (0.0.7.7)
    unicorn (5.5.5)
      kgio (~> 2.6)
      raindrops (~> 0.7)
    useragent (0.16.10)
    virtus (1.0.5)
      axiom-types (~> 0.1)
      coercible (~> 1.0)
      descendants_tracker (~> 0.0, >= 0.0.3)
      equalizer (~> 0.0, >= 0.0.9)
    webmock (3.8.3)
      addressable (>= 2.3.6)
      crack (>= 0.3.2)
      hashdiff (>= 0.4.0, < 2.0.0)
    yard (0.9.25)

PLATFORMS
  ruby

DEPENDENCIES
  active_model_serializers (= 0.9.5)
  activerecord (~> 4.2)
  appsignal
  bunny (~> 2.9.2)
  composite_primary_keys (~> 8.0)
  customerio
  dalli
  database_cleaner (~> 1.2.0)
  factory_girl (~> 2.4.0)
  faraday
  faraday_middleware
  fog-aws (~> 0.12.0)
  fog-google (~> 0.4.2)
  foreman
  gh!
  google-api-client (~> 0.9.4)
  hashdiff
  jemalloc
  knapsack
  libhoney
  marginalia!
  memcachier
  metriks (= 0.9.9.6)
  metriks-librato_metrics!
  mime-types
  mocha
  mustermann
  nakayoshi_fork
  netaddr (= 1.5.1)
  pg (~> 0.21)
  pry (= 0.10.4)
  pusher (~> 0.14.0)
  rack-attack (~> 5.0)
  rack-cache!
  rack-contrib
  rack-ssl (~> 1.3, >= 1.3.3)
  rake (~> 0.9.2)
  rb-fsevent (~> 0.9.1)
  redis (~> 3.0)
  redlock
  rerun
  rollout (~> 1.1.0)
  rspec (~> 2.13)
  rspec-its
  s3!
  sentry-raven (= 2.11.3)
  simple_states (= 1.0.2)
  simplecov
  sinatra (= 1.4.8)
  sinatra-contrib
  stackprof
  timecop (~> 0.8.0)
  tool
  travis-amqp!
  travis-config!
  travis-lock!
  travis-rollout!
  travis-settings!
  travis-sidekiqs!
  travis-support!
  travis-yaml!
  unicorn
  useragent
  webmock
  yard-sinatra!

RUBY VERSION
   ruby 2.4.2p198

BUNDLED WITH
   2.1.4
