GIT
  remote: https://github.com/travis-ci/travis-config.git
  revision: 0c5b76989c5da2b842e8ef02eb3082df09abe6c2
  specs:
    travis-config (1.1.2)
      hashr (~> 2.0)

GIT
  remote: https://github.com/travis-ci/travis-sso.git
  revision: 92c4c94dd0b43841efa843af3022124a3a06dc2a
  specs:
    travis-sso (0.0.1)
      multi_json
      rack
      rotp
      yubikey

GIT
  remote: https://github.com/travis-ci/travis-support.git
  revision: 77f8dad236002e6103cfdb796308e1a11d8d441e
  specs:
    travis-support (0.0.1)

GIT
  remote: https://github.com/travis-ci/travis.rb.git
  revision: 654e6e1bf2eb27f3677fd67e194f64ed5aeda2e7
  specs:
    travis (1.10.0)
      faraday (~> 1.0)
      faraday_middleware (~> 1.0)
      gh (~> 0.13)
      highline (~> 2.0)
      json_pure (~> 2.3)
      launchy (~> 2.1, < 2.5.0)
      pusher-client (~> 0.4)

GEM
  remote: https://rubygems.org/
  specs:
    actioncable (5.2.5)
      actionpack (= 5.2.5)
      nio4r (~> 2.0)
      websocket-driver (>= 0.6.1)
    actionmailer (5.2.5)
      actionpack (= 5.2.5)
      actionview (= 5.2.5)
      activejob (= 5.2.5)
      mail (~> 2.5, >= 2.5.4)
      rails-dom-testing (~> 2.0)
    actionpack (5.2.5)
      actionview (= 5.2.5)
      activesupport (= 5.2.5)
      rack (~> 2.0, >= 2.0.8)
      rack-test (>= 0.6.3)
      rails-dom-testing (~> 2.0)
      rails-html-sanitizer (~> 1.0, >= 1.0.2)
    actionview (5.2.5)
      activesupport (= 5.2.5)
      builder (~> 3.1)
      erubi (~> 1.4)
      rails-dom-testing (~> 2.0)
      rails-html-sanitizer (~> 1.0, >= 1.0.3)
    activejob (5.2.5)
      activesupport (= 5.2.5)
      globalid (>= 0.3.6)
    activemodel (5.2.5)
      activesupport (= 5.2.5)
    activerecord (5.2.5)
      activemodel (= 5.2.5)
      activesupport (= 5.2.5)
      arel (>= 9.0)
    activestorage (5.2.5)
      actionpack (= 5.2.5)
      activerecord (= 5.2.5)
      marcel (~> 1.0.0)
    activesupport (5.2.5)
      concurrent-ruby (~> 1.0, >= 1.0.2)
      i18n (>= 0.7, < 2)
      minitest (~> 5.1)
      tzinfo (~> 1.1)
    addressable (2.7.0)
      public_suffix (>= 2.0.2, < 5.0)
    arel (9.0.0)
    atomic (1.1.101)
    avl_tree (1.2.1)
      atomic (~> 1.1)
    bcat (0.5.0)
      rack
    biggs (0.3.3)
      activerecord (>= 3.0)
    bindex (0.8.1)
    bootsnap (1.7.3)
      msgpack (~> 1.0)
    builder (3.2.4)
    capybara (2.7.1)
      addressable
      mime-types (>= 1.16)
      nokogiri (>= 1.3.3)
      rack (>= 1.0.0)
      rack-test (>= 0.5.4)
      xpath (~> 2.0)
    chart-js-rails (0.1.7)
      railties (> 3.1)
    cliver (0.3.2)
    coderay (1.1.3)
    coffee-rails (4.2.2)
      coffee-script (>= 2.2.0)
      railties (>= 4.0.0)
    coffee-script (2.4.1)
      coffee-script-source
      execjs
    coffee-script-source (1.12.2)
    concurrent-ruby (1.1.8)
    connection_pool (2.2.3)
    crack (0.4.5)
      rexml
    crass (1.0.6)
    database_cleaner (2.0.1)
      database_cleaner-active_record (~> 2.0.0)
    database_cleaner-active_record (2.0.0)
      activerecord (>= 5.a)
      database_cleaner-core (~> 2.0.0)
    database_cleaner-core (2.0.1)
    date_validator (0.10.0)
      activemodel (>= 3)
      activesupport (>= 3)
    diff-lcs (1.4.4)
    erubi (1.10.0)
    execjs (2.7.0)
    factory_girl (4.9.0)
      activesupport (>= 3.0.0)
    factory_girl_rails (4.9.0)
      factory_girl (~> 4.9.0)
      railties (>= 3.0.0)
    faraday (1.3.0)
      faraday-net_http (~> 1.0)
      multipart-post (>= 1.2, < 3)
      ruby2_keywords
    faraday-net_http (1.0.1)
    faraday_middleware (1.0.0)
      faraday (~> 1.0)
    ffi (1.15.0)
    font-awesome-rails (4.7.0.7)
      railties (>= 3.2, < 7)
    foreman (0.87.2)
    gh (0.18.0)
      activesupport (~> 5.0)
      addressable (~> 2.4)
      faraday (~> 1.0)
      faraday_middleware (~> 1.0)
      multi_json (~> 1.0)
      net-http-persistent (~> 2.9)
      net-http-pipeline
    globalid (0.4.2)
      activesupport (>= 4.2.0)
    hashdiff (1.0.1)
    hashr (2.0.1)
    highline (2.0.3)
    hitimes (1.3.1)
    i18n (1.8.9)
      concurrent-ruby (~> 1.0)
    jquery-rails (4.4.0)
      rails-dom-testing (>= 1, < 3)
      railties (>= 4.2.0)
      thor (>= 0.14, < 2.0)
    jquery-ui-rails (6.0.1)
      railties (>= 3.2.16)
    json (2.5.1)
    json_pure (2.5.1)
    launchy (2.4.3)
      addressable (~> 2.3)
    listen (3.1.5)
      rb-fsevent (~> 0.9, >= 0.9.4)
      rb-inotify (~> 0.9, >= 0.9.7)
      ruby_dep (~> 1.2)
    logfmt (0.0.9)
    loofah (2.9.0)
      crass (~> 1.0.2)
      nokogiri (>= 1.5.9)
    mail (2.7.1)
      mini_mime (>= 0.1.1)
    marcel (1.0.0)
    method_source (1.0.0)
    metriks (0.9.9.8)
      atomic (~> 1.0)
      avl_tree (~> 1.2.0)
      hitimes (~> 1.1)
    mime-types (3.3.1)
      mime-types-data (~> 3.2015)
    mime-types-data (3.2021.0225)
    mini_mime (1.0.3)
    mini_portile2 (2.5.0)
    minitest (5.14.4)
    msgpack (1.4.2)
    multi_json (1.15.0)
    multipart-post (2.1.1)
    net-http-persistent (2.9.4)
    net-http-pipeline (1.0.1)
    nio4r (2.5.7)
    nokogiri (1.11.2)
      mini_portile2 (~> 2.5.0)
      racc (~> 1.4)
    pg (1.2.3)
    poltergeist (1.18.1)
      capybara (>= 2.1, < 4)
      cliver (~> 0.3.1)
      websocket-driver (>= 0.2.0)
    pry (0.14.0)
      coderay (~> 1.1)
      method_source (~> 1.0)
    pry-rails (0.3.9)
      pry (>= 0.10.4)
    public_suffix (4.0.6)
    puma (3.12.6)
    pusher-client (0.6.2)
      json
      websocket (~> 1.0)
    racc (1.5.2)
    rack (2.2.3)
    rack-protection (2.1.0)
      rack
    rack-test (1.1.0)
      rack (>= 1.0, < 3)
    rails (5.2.5)
      actioncable (= 5.2.5)
      actionmailer (= 5.2.5)
      actionpack (= 5.2.5)
      actionview (= 5.2.5)
      activejob (= 5.2.5)
      activemodel (= 5.2.5)
      activerecord (= 5.2.5)
      activestorage (= 5.2.5)
      activesupport (= 5.2.5)
      bundler (>= 1.3.0)
      railties (= 5.2.5)
      sprockets-rails (>= 2.0.0)
    rails-dom-testing (2.0.3)
      activesupport (>= 4.2.0)
      nokogiri (>= 1.6)
    rails-html-sanitizer (1.3.0)
      loofah (~> 2.3)
    railties (5.2.5)
      actionpack (= 5.2.5)
      activesupport (= 5.2.5)
      method_source
      rake (>= 0.8.7)
      thor (>= 0.19.0, < 2.0)
    rake (13.0.3)
    rb-fsevent (0.10.4)
    rb-inotify (0.10.1)
      ffi (~> 1.0)
    redis (3.3.5)
    redis-namespace (1.8.1)
      redis (>= 3.0.4)
    rexml (3.2.4)
    rollout (2.4.3)
    rotp (6.2.0)
    rspec-core (3.9.3)
      rspec-support (~> 3.9.3)
    rspec-expectations (3.9.4)
      diff-lcs (>= 1.2.0, < 2.0)
      rspec-support (~> 3.9.0)
    rspec-mocks (3.9.1)
      diff-lcs (>= 1.2.0, < 2.0)
      rspec-support (~> 3.9.0)
    rspec-rails (3.9.1)
      actionpack (>= 3.0)
      activesupport (>= 3.0)
      railties (>= 3.0)
      rspec-core (~> 3.9.0)
      rspec-expectations (~> 3.9.0)
      rspec-mocks (~> 3.9.0)
      rspec-support (~> 3.9.0)
    rspec-support (3.9.4)
    ruby2_keywords (0.0.4)
    ruby_dep (1.5.0)
    sass (3.7.4)
      sass-listen (~> 4.0.0)
    sass-listen (4.0.0)
      rb-fsevent (~> 0.9, >= 0.9.4)
      rb-inotify (~> 0.9, >= 0.9.7)
    sass-rails (5.1.0)
      railties (>= 5.2.0)
      sass (~> 3.1)
      sprockets (>= 2.8, < 4.0)
      sprockets-rails (>= 2.0, < 4.0)
      tilt (>= 1.1, < 3)
    sentry-raven (3.1.1)
      faraday (>= 1.0)
    sidekiq (5.2.9)
      connection_pool (~> 2.2, >= 2.2.2)
      rack (~> 2.0)
      rack-protection (>= 1.5.0)
      redis (>= 3.3.5, < 4.2)
    sprockets (3.7.2)
      concurrent-ruby (~> 1.0)
      rack (> 1, < 3)
    sprockets-rails (3.2.2)
      actionpack (>= 4.0)
      activesupport (>= 4.0)
      sprockets (>= 3.0.0)
    thor (1.1.0)
    thread_safe (0.3.6)
    tilt (2.0.10)
    tzinfo (1.2.9)
      thread_safe (~> 0.1)
    uglifier (4.2.0)
      execjs (>= 0.3.0, < 3)
    web-console (3.7.0)
      actionview (>= 5.0)
      activemodel (>= 5.0)
      bindex (>= 0.4.0)
      railties (>= 5.0)
    webmock (2.3.2)
      addressable (>= 2.3.6)
      crack (>= 0.3.2)
      hashdiff
    websocket (1.2.9)
    websocket-driver (0.7.3)
      websocket-extensions (>= 0.1.0)
    websocket-extensions (0.1.5)
    will_paginate (3.1.8)
    xpath (2.1.0)
      nokogiri (~> 1.3)
    yubikey (1.4.1)

PLATFORMS
  ruby

DEPENDENCIES
  bcat
  biggs
  bootsnap (>= 1.1.0)
  capybara (~> 2.7.0)
  chart-js-rails
  coffee-rails (~> 4.2)
  database_cleaner
  date_validator
  factory_girl_rails (~> 4.0)
  faraday (~> 1.0)
  font-awesome-rails
  foreman
  jquery-rails
  jquery-ui-rails
  launchy
  listen (>= 3.0.5, < 3.2)
  logfmt
  metriks
  pg
  poltergeist
  pry
  pry-rails
  puma (~> 3.12)
  rails (= 5.2.5)
  rake
  redis (~> 3.0)
  redis-namespace
  rollout
  rotp
  rspec-rails (~> 3.4)
  sass-rails (~> 5.0)
  sentry-raven
  sidekiq
  travis!
  travis-config!
  travis-sso!
  travis-support!
  uglifier (>= 1.3.0)
  web-console (~> 3.3)
  webmock (~> 2.3.2)
  will_paginate (~> 3.1.0)

BUNDLED WITH
   2.1.4
